GIT
  remote: git://github.com/gkellogg/sinatra-respond_to.git
  revision: bba116582cc48622e6c4a824aeb803d47a117a18
  specs:
    sinatra-respond_to (0.8.0)
      sinatra (~> 1.3)

GIT
  remote: git://github.com/ruby-rdf/json-ld.git
  revision: 63d28e674551b5e86783fd4c7b347dfebecf21f3
  specs:
    json-ld (1.0.2)
      json (>= 1.7.5)
      rdf (>= 1.0.7)

GIT
  remote: git://github.com/ruby-rdf/linkeddata.git
  revision: aaf65a54e4f9f0dc586a634425d46c3541bdc465
  specs:
    linkeddata (1.0.5)
      json-ld (>= 0.9.1)
      rdf (>= 1.0.5)
      rdf-isomorphic (>= 1.0.1)
      rdf-json (>= 1.0)
      rdf-microdata (>= 1.0)
      rdf-n3 (>= 1.0)
      rdf-rdfa (>= 1.0)
      rdf-rdfxml (>= 1.0.1)
      rdf-trig (>= 1.0.0.beta3)
      rdf-trix (>= 1.0)
      rdf-turtle (>= 1.0.4)

GIT
  remote: git://github.com/ruby-rdf/rdf-aggregate-repo.git
  revision: 1aa06bc4e5ca621e5053795aa56215927132ca00
  specs:
    rdf-aggregate-repo (0.1.2)
      rdf (>= 1.0)

GIT
  remote: git://github.com/ruby-rdf/rdf-isomorphic.git
  revision: 7aa3d385c256aaad72f92cd3d73d7d7ebe78049f
  specs:
    rdf-isomorphic (1.0.2)
      rdf (>= 1.0)

GIT
  remote: git://github.com/ruby-rdf/rdf-json.git
  revision: 43a7cf7b61b79eeb3efbf827866a293beb579aff
  specs:
    rdf-json (1.0.0)
      json_pure (>= 1.4)
      rdf (>= 1.0.5)

GIT
  remote: git://github.com/ruby-rdf/rdf-microdata.git
  revision: ed8cd7e4a0c64dd3ccadf2c88d3afc288373bc31
  specs:
    rdf-microdata (1.0.1)
      htmlentities (>= 4.3.0)
      json (>= 1.7.7)
      rdf (>= 1.0.7)
      rdf-xsd (>= 1.0)

GIT
  remote: git://github.com/ruby-rdf/rdf-n3.git
  revision: 38361baaaa05f263f6793b83d6a24fccaa0145de
  specs:
    rdf-n3 (1.0.1)
      rdf (>= 1.0.7)

GIT
  remote: git://github.com/ruby-rdf/rdf-rdfa.git
  revision: 65a1fb261beec1c343da3bba713698d16b3ea401
  specs:
    rdf-rdfa (1.0.2)
      haml (>= 4.0)
      htmlentities (>= 4.3.1)
      rdf (>= 1.0.5)
      rdf-xsd (>= 1.0)

GIT
  remote: git://github.com/ruby-rdf/rdf-rdfxml.git
  revision: 6aacb9e389a862f957144163dfee19419fd91f51
  specs:
    rdf-rdfxml (1.0.1)
      rdf (>= 1.0)
      rdf-xsd (>= 1.0)

GIT
  remote: git://github.com/ruby-rdf/rdf-trig.git
  revision: 7943bf62aa4fea72410abf7c1363df7d4ebebc9e
  specs:
    rdf-trig (1.0.2)
      ebnf (>= 0.3.0)
      rdf (>= 1.0.7)
      rdf-turtle (>= 1.0.7)

GIT
  remote: git://github.com/ruby-rdf/rdf-turtle.git
  revision: 8e9392c0e03bad933639b100a74b9ef231f9cc6e
  specs:
    rdf-turtle (1.0.8)
      ebnf (>= 0.3.0)
      rdf (>= 1.0.7)

GIT
  remote: git://github.com/ruby-rdf/rdf-xsd.git
  revision: 95b980581f71701452d73d4b2fafc6bd549da174
  specs:
    rdf-xsd (1.0.2.1)
      nokogiri (>= 1.5.0)
      rdf (>= 0.3.4)

GIT
  remote: git://github.com/ruby-rdf/rdf.git
  revision: d329351bfc6dcb1c3df36c831f33bdc9dcf07267
  specs:
    rdf (1.0.7)
      addressable (>= 2.2)

GIT
  remote: git://github.com/ruby-rdf/sparql-client.git
  revision: 344749d7cdb5afb22760518bb89d3dff68c457c4
  specs:
    sparql-client (1.0.4.1)
      json_pure (>= 1.4)
      net-http-persistent (>= 1.4)
      rdf (>= 1.0)

GIT
  remote: git://github.com/ruby-rdf/sparql.git
  revision: d60d7aa9aa6eecef94a78ca2fdc31df3d2bc4b26
  specs:
    sparql (1.1.0p0)
      builder (>= 3.0)
      ebnf (>= 0.3.0)
      json (>= 1.7)
      rdf (>= 1.0.7)
      rdf-aggregate-repo
      rdf-xsd (>= 1.0.2)
      sparql-client (>= 1.0.3)
      sxp (>= 0.1.3)

PATH
  remote: .
  specs:
    rdf-distiller (0.1.1)
      curb (>= 0.8.3)
      equivalent-xml (>= 0.3.0)
      erubis (>= 2.7.0)
      haml
      linkeddata (>= 1.0)
      maruku
      rack (>= 1.4.4)
      rack-cache
      sinatra (>= 1.3.3)
      sinatra-respond_to (>= 0.8.0)
      sparql (>= 1.0)

GEM
  remote: https://rubygems.org/
  specs:
    addressable (2.3.5)
    builder (3.2.2)
    bundler-unload (1.0.1)
    columnize (0.3.6)
    curb (0.8.4)
    data_objects (0.10.13)
      addressable (~> 2.1)
    debugger (1.6.0)
      columnize (>= 0.3.1)
      debugger-linecache (~> 1.2.0)
      debugger-ruby_core_source (~> 1.2.1)
    debugger-linecache (1.2.0)
    debugger-ruby_core_source (1.2.3)
    diff-lcs (1.2.4)
    ebnf (0.3.1)
      rdf
      sxp
    equivalent-xml (0.3.0)
      nokogiri (>= 1.4.3)
    erubis (2.7.0)
    haml (4.0.3)
      tilt
    htmlentities (4.3.1)
    json (1.8.0)
    json_pure (1.8.0)
    maruku (0.6.1)
      syntax (>= 1.0.0)
    mini_portile (0.5.0)
    net-http-persistent (2.8)
    nokogiri (1.6.0)
      mini_portile (~> 0.5.0)
    rack (1.5.2)
    rack-cache (1.2)
      rack (>= 0.4)
    rack-protection (1.5.0)
      rack
    rack-test (0.6.2)
      rack (>= 1.0)
    rake (10.1.0)
    rdf-do (1.0.0)
      data_objects (>= 0.10.11)
      rdf (>= 1.0)
    rdf-trix (1.0.0)
      rdf (>= 1.0)
    redcarpet (2.3.0)
    rspec (2.13.0)
      rspec-core (~> 2.13.0)
      rspec-expectations (~> 2.13.0)
      rspec-mocks (~> 2.13.0)
    rspec-core (2.13.1)
    rspec-expectations (2.13.0)
      diff-lcs (>= 1.1.3, < 2.0)
    rspec-mocks (2.13.1)
    rubygems-bundler (1.2.0)
      bundler-unload (>= 1.0.1)
    shotgun (0.9)
      rack (>= 1.0)
    sinatra (1.4.3)
      rack (~> 1.4)
      rack-protection (~> 1.4)
      tilt (~> 1.3, >= 1.3.4)
    sxp (0.1.3)
      json (>= 1.1.1)
    syntax (1.0.0)
    tilt (1.4.1)
    wirble (0.1.3)
    yard (0.8.6.2)

PLATFORMS
  ruby

DEPENDENCIES
  bundler
  debugger
  json-ld!
  linkeddata!
  rack-test (>= 0.6.2)
  rake
  rdf!
  rdf-aggregate-repo!
  rdf-distiller!
  rdf-do
  rdf-isomorphic!
  rdf-json!
  rdf-microdata!
  rdf-n3!
  rdf-rdfa!
  rdf-rdfxml!
  rdf-trig!
  rdf-turtle!
  rdf-xsd!
  redcarpet
  rspec (>= 2.12.0)
  rubygems-bundler
  shotgun
  sinatra-respond_to!
  sparql!
  sparql-client!
  syntax
  wirble
  yard
