GIT
  remote: git://github.com/gkellogg/json-ld.git
  revision: 709e092c07ba889053b87427430714376bdda596
  specs:
    json-ld (1.0.0)
      json (>= 1.7.5)
      rdf (>= 1.0)

GIT
  remote: git://github.com/gkellogg/sinatra-respond_to.git
  revision: bba116582cc48622e6c4a824aeb803d47a117a18
  specs:
    sinatra-respond_to (0.8.0)
      sinatra (~> 1.3)

GIT
  remote: git://github.com/ruby-rdf/linkeddata.git
  revision: aaf65a54e4f9f0dc586a634425d46c3541bdc465
  specs:
    linkeddata (1.0.5)
      json-ld (>= 0.9.1)
      rdf (>= 1.0.5)
      rdf-isomorphic (>= 1.0.1)
      rdf-json (>= 1.0)
      rdf-microdata (>= 1.0)
      rdf-n3 (>= 1.0)
      rdf-rdfa (>= 1.0)
      rdf-rdfxml (>= 1.0.1)
      rdf-trig (>= 1.0.0.beta3)
      rdf-trix (>= 1.0)
      rdf-turtle (>= 1.0.4)

GIT
  remote: git://github.com/ruby-rdf/rdf-isomorphic.git
  revision: eb28da29031a8e0eced002b2ae5c2c26f36e89ee
  specs:
    rdf-isomorphic (1.0.1)
      rdf (>= 1.0)

GIT
  remote: git://github.com/ruby-rdf/rdf-json.git
  revision: 43a7cf7b61b79eeb3efbf827866a293beb579aff
  specs:
    rdf-json (1.0.0)
      json_pure (>= 1.4)
      rdf (>= 1.0.5)

GIT
  remote: git://github.com/ruby-rdf/rdf-microdata.git
  revision: 6be295fac7229a2660a86b8407cf568ce98f4ce7
  specs:
    rdf-microdata (1.0.0)
      htmlentities (>= 4.3.0)
      json (>= 1.7.7)
      rdf (>= 1.0.5)
      rdf-xsd (>= 1.0)

GIT
  remote: git://github.com/ruby-rdf/rdf-n3.git
  revision: 0b54da8165a8a493a87db17ff55650a1b02b1094
  specs:
    rdf-n3 (1.0.0)
      rdf (>= 1.0)

GIT
  remote: git://github.com/ruby-rdf/rdf-rdfa.git
  revision: 62d8bd55f6496f3afed3c98c9a579f0698866127
  specs:
    rdf-rdfa (1.0.2)
      haml (>= 4.0)
      htmlentities (>= 4.3.1)
      rdf (>= 1.0.5)
      rdf-xsd (>= 1.0)

GIT
  remote: git://github.com/ruby-rdf/rdf-rdfxml.git
  revision: 68720673539ff8d0bb0ade01c4884446a0c5c21c
  specs:
    rdf-rdfxml (1.0.1)
      rdf (>= 1.0)
      rdf-xsd (>= 1.0)

GIT
  remote: git://github.com/ruby-rdf/rdf-trig.git
  revision: 7ca0199f478a32fbe47d4fdd12a2d9870080038a
  specs:
    rdf-trig (1.1.0.p0)
      ebnf (>= 0.2.0)
      rdf (>= 1.0)
      rdf-turtle (>= 1.0.4)

GIT
  remote: git://github.com/ruby-rdf/rdf-turtle.git
  revision: 215233b46c956aadde03a6335fbc4d3e1f7f857c
  specs:
    rdf-turtle (1.0.6)
      ebnf (>= 0.3.0)
      rdf (>= 1.0)

GIT
  remote: git://github.com/ruby-rdf/rdf-xsd.git
  revision: 7726559c07724a1416fe275fdd332567c8c57d65
  specs:
    rdf-xsd (1.0.2.1)
      nokogiri (>= 1.5.0)
      rdf (>= 0.3.4)

GIT
  remote: git://github.com/ruby-rdf/rdf.git
  revision: 210420179d550aeb9e4ebd57259bedffa9296bc7
  specs:
    rdf (1.0.6)
      addressable (>= 2.2)

GIT
  remote: git://github.com/ruby-rdf/sparql-client.git
  revision: 1ad968f3975119281e2a32dc110a46a1b86d25d9
  specs:
    sparql-client (1.0.1)
      json_pure (>= 1.4)
      net-http-persistent (>= 1.4)
      rdf (>= 1.0)

GIT
  remote: git://github.com/ruby-rdf/sparql.git
  revision: 10537155c1d7c686c18e342032e644ed447db3d2
  specs:
    sparql (1.0.7)
      builder (>= 3.0)
      ebnf (>= 0.3.0)
      json (>= 1.7)
      rdf (>= 1.0.6)
      rdf-aggregate-repo
      rdf-xsd (>= 1.0)
      sparql-client (>= 1.0)
      sxp (>= 0.1.0)

PATH
  remote: .
  specs:
    rdf-distiller (0.1.1)
      curb (>= 0.8.3)
      equivalent-xml (>= 0.3.0)
      erubis (>= 2.7.0)
      haml
      linkeddata (>= 1.0)
      maruku
      rack (>= 1.4.4)
      rack-cache
      sinatra (>= 1.3.3)
      sinatra-respond_to (>= 0.8.0)
      sparql (>= 1.0)

GEM
  remote: https://rubygems.org/
  specs:
    addressable (2.3.4)
    builder (3.2.0)
    columnize (0.3.6)
    curb (0.8.3)
    data_objects (0.10.12)
      addressable (~> 2.1)
    debugger (1.5.0)
      columnize (>= 0.3.1)
      debugger-linecache (~> 1.2.0)
      debugger-ruby_core_source (~> 1.2.0)
    debugger-linecache (1.2.0)
    debugger-ruby_core_source (1.2.0)
    diff-lcs (1.2.4)
    ebnf (0.3.0)
      rdf
      sxp
    equivalent-xml (0.3.0)
      nokogiri (>= 1.4.3)
    erubis (2.7.0)
    haml (4.0.2)
      tilt
    htmlentities (4.3.1)
    json (1.7.7)
    json_pure (1.7.7)
    maruku (0.6.1)
      syntax (>= 1.0.0)
    net-http-persistent (2.8)
    nokogiri (1.5.9)
    rack (1.5.2)
    rack-cache (1.2)
      rack (>= 0.4)
    rack-protection (1.5.0)
      rack
    rack-test (0.6.2)
      rack (>= 1.0)
    rake (10.0.4)
    rdf-aggregate-repo (0.1.1)
      rdf (>= 1.0)
    rdf-do (0.3.3)
      data_objects (>= 0.10.2)
      rdf (>= 0.2.3)
    rdf-trix (1.0.0)
      rdf (>= 1.0)
    redcarpet (2.2.2)
    rspec (2.13.0)
      rspec-core (~> 2.13.0)
      rspec-expectations (~> 2.13.0)
      rspec-mocks (~> 2.13.0)
    rspec-core (2.13.1)
    rspec-expectations (2.13.0)
      diff-lcs (>= 1.1.3, < 2.0)
    rspec-mocks (2.13.1)
    rubygems-bundler (1.1.1)
    shotgun (0.9)
      rack (>= 1.0)
    sinatra (1.4.2)
      rack (~> 1.5, >= 1.5.2)
      rack-protection (~> 1.4)
      tilt (~> 1.3, >= 1.3.4)
    sxp (0.1.2)
      json (>= 1.1.1)
    syntax (1.0.0)
    tilt (1.4.1)
    wirble (0.1.3)
    yard (0.8.6.1)

PLATFORMS
  ruby

DEPENDENCIES
  bundler
  debugger
  json-ld!
  linkeddata!
  rack-test (>= 0.6.2)
  rake
  rdf!
  rdf-distiller!
  rdf-do
  rdf-isomorphic!
  rdf-json!
  rdf-microdata!
  rdf-n3!
  rdf-rdfa!
  rdf-rdfxml!
  rdf-trig!
  rdf-turtle!
  rdf-xsd!
  redcarpet
  rspec (>= 2.12.0)
  rubygems-bundler
  shotgun
  sinatra-respond_to!
  sparql!
  sparql-client!
  syntax
  wirble
  yard
