GIT
  remote: git://github.com/gkellogg/sxp-ruby.git
  revision: 7c7eb0be1942a8c6f757d41bf8605df291c83b36
  specs:
    sxp (0.1.3)

GIT
  remote: git://github.com/ruby-rdf/json-ld.git
  revision: dbe7eff62b4d1c0b8c2690eb52507c5a07153fe5
  branch: develop
  specs:
    json-ld (1.1.1)
      rdf (>= 1.0.8)

GIT
  remote: git://github.com/ruby-rdf/linkeddata.git
  revision: 9c39d439d5b5e6de2df3a61eaee03132ce786f46
  branch: develop
  specs:
    linkeddata (1.1.1)
      equivalent-xml (>= 0.4.0)
      json-ld (>= 1.1.1)
      nokogiri (>= 1.6.1)
      rdf (>= 1.1.1)
      rdf-aggregate-repo (>= 1.1.0)
      rdf-isomorphic (>= 1.1.0)
      rdf-json (>= 1.1.0)
      rdf-microdata (>= 1.1.1)
      rdf-n3 (>= 1.1.0)
      rdf-rdfa (>= 1.1.1)
      rdf-rdfxml (>= 1.1.0)
      rdf-trig (>= 1.1.2)
      rdf-trix (>= 1.1.0)
      rdf-turtle (>= 1.1.2)
      sparql (>= 1.1.2)
      sparql-client (>= 1.1.1)

GIT
  remote: git://github.com/ruby-rdf/rack-linkeddata.git
  revision: 2254327f92f1814fef027364af6a7d8ddc162169
  branch: develop
  specs:
    rack-linkeddata (1.1.0)
      linkeddata (>= 1.1.0)
      rack (>= 1.4)

GIT
  remote: git://github.com/ruby-rdf/rdf-aggregate-repo.git
  revision: d44f16d422e8d009245d7a24ec3c7f5a06463788
  branch: develop
  specs:
    rdf-aggregate-repo (1.1.0)
      rdf (>= 1.1)

GIT
  remote: git://github.com/ruby-rdf/rdf-do.git
  revision: 18ab841347956d1dd9aa9307a2507bdf47a5340a
  branch: develop
  specs:
    rdf-do (1.1.0)
      data_objects (>= 0.10.11)
      rdf (>= 1.1.0)

GIT
  remote: git://github.com/ruby-rdf/rdf-isomorphic.git
  revision: 32d6ae88e12ed0e3841b5be27b7296e264dc41c6
  branch: develop
  specs:
    rdf-isomorphic (1.1.0)
      rdf (>= 1.1)

GIT
  remote: git://github.com/ruby-rdf/rdf-json.git
  revision: 4553c9fff4644cb39f36ab6fc3882199db4666d9
  branch: develop
  specs:
    rdf-json (1.1.0)
      rdf (>= 1.1.0)

GIT
  remote: git://github.com/ruby-rdf/rdf-microdata.git
  revision: 3b6091ba55fb298e42b25619c37f0f805274cbc3
  branch: develop
  specs:
    rdf-microdata (1.1.1)
      htmlentities (>= 4.3.0)
      nokogiri (>= 1.6.1)
      rdf (>= 1.1.0)
      rdf-xsd (>= 1.1.0)

GIT
  remote: git://github.com/ruby-rdf/rdf-n3.git
  revision: ab521fa419e4eb239bd0fac1f403dad27381ee11
  branch: develop
  specs:
    rdf-n3 (1.1.0)
      rdf (>= 1.1)

GIT
  remote: git://github.com/ruby-rdf/rdf-rdfa.git
  revision: 0e81f6413ebf470db27addb5fd357327ea574d04
  branch: develop
  specs:
    rdf-rdfa (1.1.2)
      haml (>= 4.0)
      htmlentities (>= 4.3.1)
      rdf (>= 1.1.0)
      rdf-xsd (>= 1.1)

GIT
  remote: git://github.com/ruby-rdf/rdf-rdfxml.git
  revision: c08d00f64221f4db3e5f18463d7d8d96cd4fdfa5
  branch: develop
  specs:
    rdf-rdfxml (1.1.0)
      rdf (>= 1.1.1)
      rdf-rdfa (>= 1.1)
      rdf-xsd (>= 1.1)

GIT
  remote: git://github.com/ruby-rdf/rdf-spec.git
  revision: e655049aefaa99c7e105c8d107a3315d824e897b
  branch: develop
  specs:
    rdf-spec (1.1.0)
      rspec (>= 2.14)

GIT
  remote: git://github.com/ruby-rdf/rdf-trig.git
  revision: ce79fbef83f86d8274ce024cb0bd5cae6d8220c3
  branch: develop
  specs:
    rdf-trig (1.1.3)
      ebnf (>= 0.3.5)
      rdf (~> 1.1, >= 1.1.2.1)
      rdf-turtle (~> 1.1, >= 1.1.3)

GIT
  remote: git://github.com/ruby-rdf/rdf-trix.git
  revision: 994a2e63071e089034716e5ecafc20a81bda97a7
  branch: develop
  specs:
    rdf-trix (1.1.0)
      rdf (>= 1.1)

GIT
  remote: git://github.com/ruby-rdf/rdf-turtle.git
  revision: 60f8c877942a2ad73e207934000d63c0221b1f39
  branch: develop
  specs:
    rdf-turtle (1.1.3)
      ebnf (>= 0.3.5)
      rdf (~> 1.1, >= 1.1.2.1)

GIT
  remote: git://github.com/ruby-rdf/rdf-xsd.git
  revision: 38f8c208373de376b7ec27c67b7e0699971951c8
  branch: develop
  specs:
    rdf-xsd (1.1.0)
      rdf (>= 1.1)

GIT
  remote: git://github.com/ruby-rdf/rdf.git
  revision: f8551d4363f61c0fc9324e8754a113d6d864be47
  branch: develop
  specs:
    rdf (1.1.2.1)

GIT
  remote: git://github.com/ruby-rdf/sinatra-linkeddata.git
  revision: 02a65eae738b1e4baa745223fc83c62e76537896
  branch: develop
  specs:
    sinatra-linkeddata (1.1.0)
      rack-linkeddata (>= 1.1.0)
      sinatra (>= 1.4.4)

GIT
  remote: git://github.com/ruby-rdf/sparql-client.git
  revision: 5245b1f1f66d50039fdd042e308df38ec0fc24c2
  branch: develop
  specs:
    sparql-client (1.1.1)
      net-http-persistent (>= 1.4)
      rdf (>= 1.1)

GIT
  remote: git://github.com/ruby-rdf/sparql.git
  revision: 0629236b06c0de7ae8f17fe6107c250c7d819edd
  branch: develop
  specs:
    sparql (1.1.2.1)
      builder (>= 3.0)
      ebnf (>= 0.3.5)
      rdf (>= 1.1.1)
      rdf-aggregate-repo (>= 1.1.0)
      rdf-xsd (>= 1.0.2)
      sparql-client (>= 1.1)
      sxp (>= 0.1.3)

PATH
  remote: .
  specs:
    rdf-distiller (1.1.2.1)
      equivalent-xml (>= 0.4.2)
      erubis (>= 2.7.0)
      haml
      linkeddata (>= 1.1)
      maruku
      rack (>= 1.5.2)
      rack-cache
      sinatra (>= 1.4.4)
      sparql (>= 1.1.2)
      webmock

GEM
  remote: http://rubygems.org/
  specs:
    addressable (2.3.6)
    better_errors (1.1.0)
      coderay (>= 1.0.0)
      erubis (>= 2.6.6)
    binding_of_caller (0.7.2)
      debug_inspector (>= 0.0.1)
    builder (3.2.2)
    byebug (2.7.0)
      columnize (~> 0.3)
      debugger-linecache (~> 1.2)
    coderay (1.1.0)
    columnize (0.3.6)
    crack (0.4.2)
      safe_yaml (~> 1.0.0)
    data_objects (0.10.14)
      addressable (~> 2.1)
    debug_inspector (0.0.2)
    debugger (1.6.6)
      columnize (>= 0.3.1)
      debugger-linecache (~> 1.2.0)
      debugger-ruby_core_source (~> 1.3.2)
    debugger-linecache (1.2.0)
    debugger-ruby_core_source (1.3.2)
    diff-lcs (1.2.5)
    ebnf (0.3.5)
      rdf
      sxp
    equivalent-xml (0.4.2)
      nokogiri (>= 1.4.3)
    erubis (2.7.0)
    haml (4.0.5)
      tilt
    htmlentities (4.3.1)
    kgio (2.9.2)
    maruku (0.7.1)
    mini_portile (0.5.3)
    net-http-persistent (2.9.4)
    nokogiri (1.6.1)
      mini_portile (~> 0.5.0)
    rack (1.5.2)
    rack-cache (1.2)
      rack (>= 0.4)
    rack-protection (1.5.2)
      rack
    rack-test (0.6.2)
      rack (>= 1.0)
    raindrops (0.13.0)
    rake (10.2.2)
    redcarpet (3.1.1)
    rspec (2.14.1)
      rspec-core (~> 2.14.0)
      rspec-expectations (~> 2.14.0)
      rspec-mocks (~> 2.14.0)
    rspec-core (2.14.8)
    rspec-expectations (2.14.5)
      diff-lcs (>= 1.1.3, < 2.0)
    rspec-mocks (2.14.6)
    safe_yaml (1.0.1)
    shotgun (0.9)
      rack (>= 1.0)
    sinatra (1.4.4)
      rack (~> 1.4)
      rack-protection (~> 1.4)
      tilt (~> 1.3, >= 1.3.4)
    syntax (1.2.0)
    tilt (1.4.1)
    unicorn (4.8.2)
      kgio (~> 2.6)
      rack
      raindrops (~> 0.7)
    webmock (1.17.4)
      addressable (>= 2.2.7)
      crack (>= 0.3.2)
    wirble (0.1.3)
    yard (0.8.7.4)

PLATFORMS
  ruby

DEPENDENCIES
  better_errors
  binding_of_caller
  bundler
  byebug
  debugger
  json-ld!
  linkeddata!
  rack-linkeddata!
  rack-test (>= 0.6.2)
  rake
  rdf!
  rdf-aggregate-repo!
  rdf-distiller!
  rdf-do!
  rdf-isomorphic!
  rdf-json!
  rdf-microdata!
  rdf-n3!
  rdf-rdfa!
  rdf-rdfxml!
  rdf-spec!
  rdf-trig!
  rdf-trix!
  rdf-turtle!
  rdf-xsd!
  redcarpet
  rspec (>= 2.12.0)
  ruby-debug
  shotgun
  sinatra-linkeddata!
  sparql!
  sparql-client!
  sxp!
  syntax
  unicorn
  wirble
  yard
