GIT
  remote: git://github.com/gkellogg/json-ld.git
  revision: dd617779bbe63de1cfbded5e63c397bc7d7fd6f9
  specs:
    json-ld (0.0.7)
      json (>= 1.5.1)
      rdf (>= 0.3.3)

GIT
  remote: git://github.com/gkellogg/linkeddata.git
  revision: 79e2d7e36585594a2d3c13af1af1e4a9046e22ca
  branch: 0.4.x
  specs:
    linkeddata (0.3.2)
      rdf (>= 0.3.3)
      rdf-isomorphic (>= 0.3.1)
      rdf-json (>= 0.3.1)
      rdf-n3 (>= 0.3.3)
      rdf-rdfa (>= 0.3.3)
      rdf-rdfxml (>= 0.3.3)
      rdf-trix (>= 0.3.1)

GIT
  remote: git://github.com/gkellogg/rack-linkeddata.git
  revision: ca319da881c3bbb73d7dfdad0ec3af6aa08059f0
  branch: 0.4.x
  specs:
    rack-linkeddata (0.3.1)
      linkeddata (~> 0.3.2)
      rack (>= 1.0)

GIT
  remote: git://github.com/gkellogg/rdf-json.git
  revision: 0a4decbe783d601eff5de426a4a8cf218209a132
  branch: 0.4.x
  specs:
    rdf-json (0.3.1)
      json_pure (>= 1.5.1)
      rdf (>= 0.3.3)

GIT
  remote: git://github.com/gkellogg/rdf-microdata.git
  revision: b6be0c8fb1b0c781fb77be9258f69b6598d5ea0a
  specs:
    rdf-microdata (0.2.1)
      nokogiri (>= 1.4.4)
      rdf (>= 0.3.3)

GIT
  remote: git://github.com/gkellogg/rdf-n3.git
  revision: 78eefabe1744c0e29ffd226af4326f7d7a81d1d3
  specs:
    rdf-n3 (0.3.5)
      rdf (>= 0.3.3)

GIT
  remote: git://github.com/gkellogg/rdf-rdfa.git
  revision: bc13c249fdb53871e176527a1a746f96cf157405
  specs:
    rdf-rdfa (0.3.6)
      facets (>= 2.9.1)
      haml (>= 3.0.0)
      nokogiri (>= 1.4.4)
      rdf (>= 0.3.3)

GIT
  remote: git://github.com/gkellogg/rdf-rdfxml.git
  revision: 5c35910617b99c96b8af7fb76510714fbff60439
  specs:
    rdf-rdfxml (0.3.4)
      nokogiri (>= 1.4.4)
      rdf (>= 0.3.3)

GIT
  remote: git://github.com/gkellogg/rdf-trix.git
  revision: 67f84af0657160dd8d1f0d974fd554d8f47ba65a
  branch: 0.4.x
  specs:
    rdf-trix (0.3.1)
      rdf (>= 0.3.3)

GIT
  remote: git://github.com/gkellogg/rdf-turtle.git
  revision: 7e8d9f1fe17ff556f145c27811d842914299d77e
  specs:
    rdf-turtle (0.0.5)
      rdf (>= 0.3.3)

GIT
  remote: git://github.com/gkellogg/rdf.git
  revision: f7bf3fbb7bf9dba939db1c7fbedb7930fa63ba80
  branch: type-check-mixin
  specs:
    rdf (0.4.0)
      addressable (= 2.2.4)

GIT
  remote: git://github.com/gkellogg/sinatra-linkeddata.git
  revision: a2d77588c12554b2ba4ee00d236cef72aad6bb88
  branch: 0.4.x
  specs:
    sinatra-linkeddata (0.3.1)
      rack-linkeddata (>= 0.3.1)
      sinatra (>= 1.0)

GIT
  remote: git://github.com/gkellogg/sparql-algebra.git
  revision: ae5c1a86f3a094cddb4be9774f4ce289850279f9
  specs:
    sparql-algebra (0.0.9)
      rdf (~> 0.4.0)
      rdf-n3 (>= 0.3.1)

GIT
  remote: git://github.com/gkellogg/sparql-client.git
  revision: 7c127c11fb8ef9d97c4477d5c8c63535ceac5ad7
  branch: 0.4.x
  specs:
    sparql-client (0.0.11)
      json_pure (>= 1.4.2)
      net-http-persistent (~> 1.4.1)
      rdf (>= 0.3.4)

GIT
  remote: git://github.com/gkellogg/sparql-grammar.git
  revision: 98c93f3df54bdaf926d784bd09e7916df80b18cb
  specs:
    sparql-grammar (0.0.6)
      rdf (~> 0.4.0)
      sparql-algebra (>= 0.0.6)
      sxp (>= 0.0.14)

GEM
  remote: http://rubygems.org/
  specs:
    addressable (2.2.4)
    data_objects (0.10.6)
      addressable (~> 2.1)
    erubis (2.7.0)
    facets (2.9.2)
    haml (3.1.2)
    json (1.5.4)
    json_pure (1.5.4)
      spruz (~> 0.2.8)
    net-http-persistent (1.4.1)
    nokogiri (1.5.0)
    promise (0.3.0)
    rack (1.3.2)
    rdf-do (0.3.3)
      data_objects (>= 0.10.2)
      rdf (>= 0.2.3)
    rdf-isomorphic (0.3.4)
      rdf (>= 0.2.3)
    shotgun (0.9)
      rack (>= 1.0)
    sinatra (1.2.6)
      rack (~> 1.1)
      tilt (< 2.0, >= 1.2.2)
    spira (0.0.12)
      promise (>= 0.3.0)
      rdf (>= 0.2.3)
      rdf-isomorphic (>= 0.3.0)
    spruz (0.2.13)
    sxp (0.0.14)
      json (>= 1.5.1)
    tilt (1.3.3)

PLATFORMS
  ruby

DEPENDENCIES
  addressable (= 2.2.4)
  erubis (>= 2.6.6)
  haml (>= 3.0.0)
  json-ld!
  linkeddata!
  rack-linkeddata!
  rdf!
  rdf-do
  rdf-isomorphic (>= 0.3.4)
  rdf-json!
  rdf-microdata!
  rdf-n3!
  rdf-rdfa!
  rdf-rdfxml!
  rdf-trix!
  rdf-turtle!
  shotgun
  sinatra (>= 1.2.1)
  sinatra-linkeddata!
  sparql-algebra!
  sparql-client!
  sparql-grammar!
  spira (>= 0.0.12)
  sxp (>= 0.0.5)
