GIT
  remote: git://github.com/gkellogg/json-ld.git
  revision: d5eef2f209ad83a8063a881576544b552e36bed0
  specs:
    json-ld (0.1.1)
      json (>= 1.6.5)
      rdf (>= 0.3.4)

GIT
  remote: git://github.com/gkellogg/linkeddata.git
  revision: 8d6379d39905151147ec431bbe26b4ddc5ee9ba2
  specs:
    linkeddata (0.3.4.2)
      json-ld (>= 0.1.1)
      rdf (>= 0.3.4)
      rdf-isomorphic (>= 0.3.4)
      rdf-json (>= 0.3.0)
      rdf-microdata (>= 0.2.3)
      rdf-n3 (>= 0.3.6)
      rdf-rdfa (>= 0.3.9)
      rdf-rdfxml (>= 0.3.5)
      rdf-trig (>= 0.1.1)
      rdf-trix (>= 0.3.0)
      rdf-turtle (>= 0.1.1)

GIT
  remote: git://github.com/gkellogg/rdf-microdata.git
  revision: 4f1a8830d94c15f08b995e99edba24d07057b3cc
  specs:
    rdf-microdata (0.2.3.1)
      htmlentities (>= 4.3.0)
      json (>= 1.6.1)
      rdf (>= 0.3.4)
      rdf-xsd (>= 0.3.4)

GIT
  remote: git://github.com/gkellogg/rdf-n3.git
  revision: 09fdfa91d5e46526d63ad754e8e91e64f9314ebb
  specs:
    rdf-n3 (0.3.6)
      rdf (>= 0.3.4)

GIT
  remote: git://github.com/gkellogg/rdf-rdfa.git
  revision: 0f3411aa476a39ade9efb218b0cedb52f51b276c
  specs:
    rdf-rdfa (0.3.9)
      backports
      haml (>= 3.0.0)
      htmlentities (>= 4.3.0)
      rdf (>= 0.3.3)
      rdf-xsd (>= 0.3.5)

GIT
  remote: git://github.com/gkellogg/rdf-rdfxml.git
  revision: fbc6f0f73c9eca77fb7926d70ff0ed5d4df609ed
  specs:
    rdf-rdfxml (0.3.5)
      rdf (>= 0.3.4)
      rdf-xsd (>= 0.3.5)

GIT
  remote: git://github.com/gkellogg/rdf-trig.git
  revision: eca0bd7bbb97b8c1e65332ea013d1952582e68ee
  specs:
    rdf-trig (0.1.1)
      rdf (>= 0.3.4)
      rdf-turtle (>= 0.1.1)

GIT
  remote: git://github.com/gkellogg/rdf-turtle.git
  revision: 012242db4bf7758210842f77b809bc93fa7093f3
  specs:
    rdf-turtle (0.1.1)
      rdf (>= 0.3.4)

GIT
  remote: git://github.com/gkellogg/rdf.git
  revision: 8ccf25216f6b1fad1ce9275cd62a5efae3af57dc
  specs:
    rdf (0.3.5)
      addressable (>= 2.2.6)

GIT
  remote: git://github.com/gkellogg/sinatra-respond_to.git
  revision: bba116582cc48622e6c4a824aeb803d47a117a18
  specs:
    sinatra-respond_to (0.8.0)
      sinatra (~> 1.3)

GIT
  remote: git://github.com/gkellogg/sparql.git
  revision: 9ed5f8deec1341345e842d04665bf4f70a04ba12
  specs:
    sparql (0.1.0)
      backports
      builder (>= 3.0.0)
      json (>= 1.5.1)
      rdf (>= 0.3.4)
      rdf-xsd (>= 0.3.4)
      sparql-client (>= 0.0.9)
      sxp (>= 0.0.14)

PATH
  remote: .
  specs:
    rdf-portal (0.1.1)
      equivalent-xml (>= 0.2.8)
      erubis (>= 2.6.6)
      linkeddata (>= 0.3.4)
      patron (>= 0.4.17)
      rack (>= 1.3.1)
      sinatra (>= 1.2.1)
      sinatra-respond_to (>= 0.8.0)
      sparql (>= 0.1.0)

GEM
  remote: http://rubygems.org/
  specs:
    addressable (2.2.6)
    backports (2.3.0)
    builder (3.0.0)
    diff-lcs (1.1.3)
    equivalent-xml (0.2.9)
      nokogiri (>= 1.4.3)
    erubis (2.7.0)
    haml (3.1.4)
    htmlentities (4.3.1)
    json (1.6.5)
    json_pure (1.6.5)
    net-http-persistent (1.4.1)
    nokogiri (1.5.0)
    patron (0.4.17)
    promise (0.3.0)
    rack (1.4.1)
    rack-protection (1.2.0)
      rack
    rack-test (0.6.1)
      rack (>= 1.0)
    rdf-isomorphic (0.3.4)
      rdf (>= 0.2.3)
    rdf-json (0.3.0)
      json_pure (>= 1.4.2)
      rdf (~> 0.3.0)
    rdf-trix (0.3.0)
      rdf (~> 0.3.0)
    rdf-xsd (0.3.5)
      nokogiri (>= 1.5.0)
      rdf (>= 0.3.4)
    rspec (2.8.0)
      rspec-core (~> 2.8.0)
      rspec-expectations (~> 2.8.0)
      rspec-mocks (~> 2.8.0)
    rspec-core (2.8.0)
    rspec-expectations (2.8.0)
      diff-lcs (~> 1.1.2)
    rspec-mocks (2.8.0)
    shotgun (0.9)
      rack (>= 1.0)
    sinatra (1.3.2)
      rack (~> 1.3, >= 1.3.6)
      rack-protection (~> 1.2)
      tilt (~> 1.3, >= 1.3.3)
    sparql-client (0.0.11)
      json_pure (>= 1.4.2)
      net-http-persistent (~> 1.4.1)
      rdf (>= 0.3.4)
    spira (0.0.12)
      promise (>= 0.3.0)
      rdf (>= 0.2.3)
      rdf-isomorphic (>= 0.3.0)
    sxp (0.0.14)
      json (>= 1.5.1)
    syntax (1.0.0)
    tilt (1.3.3)
    wirble (0.1.3)
    yard (0.7.5)

PLATFORMS
  ruby

DEPENDENCIES
  bundler
  json-ld!
  linkeddata!
  rack-test (>= 0.5.6)
  rdf!
  rdf-microdata!
  rdf-n3!
  rdf-portal!
  rdf-rdfa!
  rdf-rdfxml!
  rdf-trig!
  rdf-turtle!
  rspec (>= 2.5.0)
  shotgun
  sinatra-respond_to!
  sparql!
  spira (>= 0.0.12)
  syntax
  wirble
  yard (>= 0.6.7)
