GIT
  remote: git://github.com/gkellogg/json-ld.git
  revision: 82b49268e689cb5a2da57833999e3de4456c36ad
  specs:
    json-ld (0.0.8)
      json (>= 1.5.1)
      rdf (>= 0.3.4)

GIT
  remote: git://github.com/gkellogg/linkeddata.git
  revision: 9221d23834955ecf97756059a740c6f696f72f3a
  branch: 0.3.x
  specs:
    linkeddata (0.3.4)
      json-ld (>= 0.0.7)
      rdf (>= 0.3.4)
      rdf-isomorphic (>= 0.3.4)
      rdf-json (>= 0.3.0)
      rdf-microdata (>= 0.2.2)
      rdf-n3 (>= 0.3.6)
      rdf-rdfa (>= 0.3.7)
      rdf-rdfxml (>= 0.3.5)
      rdf-trix (>= 0.3.0)
      rdf-turtle (>= 0.1.0)

GIT
  remote: git://github.com/gkellogg/rdf-microdata.git
  revision: 31d9d7288e1385af3850f167f8b2538399819863
  specs:
    rdf-microdata (0.2.2)
      nokogiri (>= 1.4.4)
      rdf (>= 0.3.4)

GIT
  remote: git://github.com/gkellogg/rdf-n3.git
  revision: 22a6963a9c2efe0356d17a1413e7b1b380bc4217
  specs:
    rdf-n3 (0.3.6)
      rdf (>= 0.3.4)

GIT
  remote: git://github.com/gkellogg/rdf-rdfa.git
  revision: 9450c7621b9301770a2630651352093778c47634
  specs:
    rdf-rdfa (0.3.7)
      facets (>= 2.9.1)
      haml (>= 3.0.0)
      nokogiri (>= 1.4.4)
      rdf (>= 0.3.3)

GIT
  remote: git://github.com/gkellogg/rdf-rdfxml.git
  revision: 5d5f72ab145d8f6cc825de4c0752a05879f474f8
  specs:
    rdf-rdfxml (0.3.5)
      nokogiri (>= 1.4.4)
      rdf (>= 0.3.4)

GIT
  remote: git://github.com/gkellogg/rdf-turtle.git
  revision: 691386e3093bc770a625de90a35248b1f11534bf
  specs:
    rdf-turtle (0.1.0)
      rdf (>= 0.3.4)

GIT
  remote: git://github.com/gkellogg/sparql.git
  revision: 0edd20b778f21945a0896c27befbfdb51be456ae
  specs:
    sparql (0.0.2)
      builder (>= 3.0.0)
      json (>= 1.5.1)
      rdf (>= 0.3.4)
      sparql-client (>= 0.0.9)
      sxp (>= 0.0.14)

GEM
  remote: http://rubygems.org/
  specs:
    addressable (2.2.6)
    builder (3.0.0)
    data_objects (0.10.6)
      addressable (~> 2.1)
    erubis (2.7.0)
    facets (2.9.2)
    haml (3.1.3)
    json (1.6.1)
    json_pure (1.6.1)
    nokogiri (1.5.0)
    promise (0.3.0)
    rack (1.3.3)
    rack-linkeddata (0.3.0)
      linkeddata (~> 0.3.0)
      rack (>= 1.0)
    rdf (0.3.4)
      addressable (>= 2.2.6)
    rdf-do (0.3.3)
      data_objects (>= 0.10.2)
      rdf (>= 0.2.3)
    rdf-isomorphic (0.3.4)
      rdf (>= 0.2.3)
    rdf-json (0.3.0)
      json_pure (>= 1.4.2)
      rdf (~> 0.3.0)
    rdf-trix (0.3.0)
      rdf (~> 0.3.0)
    shotgun (0.9)
      rack (>= 1.0)
    sinatra (1.2.6)
      rack (~> 1.1)
      tilt (< 2.0, >= 1.2.2)
    sinatra-linkeddata (0.3.0)
      rack-linkeddata (~> 0.3.0)
      sinatra (>= 1.0)
    sparql-client (0.0.9)
      json_pure (>= 1.4.2)
      rdf (~> 0.3.0)
    spira (0.0.12)
      promise (>= 0.3.0)
      rdf (>= 0.2.3)
      rdf-isomorphic (>= 0.3.0)
    sxp (0.0.14)
      json (>= 1.5.1)
    tilt (1.3.3)

PLATFORMS
  ruby

DEPENDENCIES
  erubis (>= 2.6.6)
  haml (>= 3.0.0)
  json-ld!
  linkeddata!
  rack-linkeddata (>= 0.3.0)
  rdf (>= 0.3.4)
  rdf-do
  rdf-isomorphic (>= 0.3.4)
  rdf-json (>= 0.3.0)
  rdf-microdata!
  rdf-n3!
  rdf-rdfa!
  rdf-rdfxml!
  rdf-trix (>= 0.3.0)
  rdf-turtle!
  shotgun
  sinatra (>= 1.2.1)
  sinatra-linkeddata (>= 0.3.0)
  sparql!
  spira (>= 0.0.12)
  sxp (>= 0.0.14)
