GIT
  remote: git://github.com/gkellogg/json-ld.git
  revision: 4e8b37a3252032a599af9f34958e4680dde3e906
  specs:
    json-ld (0.1.6)
      backports
      json (>= 1.6.5)
      rdf (>= 0.3.5)

GIT
  remote: git://github.com/gkellogg/sinatra-respond_to.git
  revision: bba116582cc48622e6c4a824aeb803d47a117a18
  specs:
    sinatra-respond_to (0.8.0)
      sinatra (~> 1.3)

GIT
  remote: git://github.com/gkellogg/sxp-ruby.git
  revision: 8458dbf53a84612579bee9f435415e6ec0ef1694
  branch: gkellogg-master
  specs:
    sxp (0.1.0)
      json (>= 1.5.1)

GIT
  remote: git://github.com/lsegal/yard.git
  revision: aba4ee0f8e753e30490f5d9de6c311847e0a6616
  specs:
    yard (0.8.3)

GIT
  remote: git://github.com/ruby-rdf/linkeddata.git
  revision: 9f73c66e16dae8742f3f8a881c156c58cda6d17c
  specs:
    linkeddata (0.3.5)
      json-ld (>= 0.1.0)
      rdf (>= 0.3.5)
      rdf-isomorphic (>= 0.3.4)
      rdf-json (>= 0.3.0)
      rdf-microdata (>= 0.2.3)
      rdf-n3 (>= 0.3.6)
      rdf-rdfa (>= 0.3.9)
      rdf-rdfxml (>= 0.3.5)
      rdf-trig (>= 0.1.1)
      rdf-trix (>= 0.3.0)
      rdf-turtle (>= 0.1.1)

GIT
  remote: git://github.com/ruby-rdf/rdf-microdata.git
  revision: 5ed66455312beb78f9ac80cd672b061ffbb03c29
  specs:
    rdf-microdata (0.2.5)
      htmlentities (>= 4.3.0)
      json (>= 1.6.1)
      rdf (>= 0.3.4)
      rdf-xsd (>= 0.3.4)

GIT
  remote: git://github.com/ruby-rdf/rdf-n3.git
  revision: 7462fddacebd06c5770eeb784f833825b5a18d43
  specs:
    rdf-n3 (0.3.7)
      rdf (>= 0.3.4)

GIT
  remote: git://github.com/ruby-rdf/rdf-rdfa.git
  revision: d6556f8dedf7979483b66c9e3723b8383b09bde7
  specs:
    rdf-rdfa (0.3.15)
      backports
      haml (>= 3.1.6)
      htmlentities (>= 4.3.0)
      rdf (>= 0.3.5)
      rdf-xsd (>= 0.3.7)

GIT
  remote: git://github.com/ruby-rdf/rdf-rdfxml.git
  revision: 3a95060848828245e7bb3b897f2cbd00f5f7176c
  specs:
    rdf-rdfxml (0.3.8)
      rdf (>= 0.3.4)
      rdf-xsd (>= 0.3.5)

GIT
  remote: git://github.com/ruby-rdf/rdf-trig.git
  revision: 91a3c989936102e749ae99a87243b9475bc0f861
  specs:
    rdf-trig (0.1.3)
      rdf (>= 0.3.4)
      rdf-turtle (>= 0.1.1)

GIT
  remote: git://github.com/ruby-rdf/rdf-turtle.git
  revision: e4c46866e1d6109bee37b789319cdda42155e7bb
  specs:
    rdf-turtle (0.1.2)
      rdf (>= 0.3.4)

GIT
  remote: git://github.com/ruby-rdf/rdf.git
  revision: 0696b96aac0d6969102afcd7af611340b79e8301
  specs:
    rdf (0.3.8)
      addressable (>= 2.2.6)

GIT
  remote: git://github.com/ruby-rdf/sparql-client.git
  revision: 870f1c85628fdde38b18ab90df84f4551e86a8e6
  specs:
    sparql-client (0.3.0)
      json_pure (>= 1.6.5)
      net-http-persistent (>= 1.4.1)
      rdf (>= 0.3.5)

GIT
  remote: git://github.com/ruby-rdf/sparql.git
  revision: 0ee7980cbe773ab9dc188e15136e2ca741b25873
  specs:
    sparql (0.3.1)
      backports
      builder (>= 3.0.0)
      json (>= 1.5.1)
      rdf (>= 0.3.5)
      rdf-xsd (>= 0.3.5)
      sparql-client (>= 0.1.0)
      sxp (>= 0.0.14)

PATH
  remote: .
  specs:
    rdf-distiller (0.1.1)
      curb (>= 0.8.0)
      equivalent-xml (>= 0.2.8)
      erubis (>= 2.6.6)
      linkeddata (>= 0.3.5)
      rack (>= 1.3.1)
      rack-cache
      sinatra (>= 1.2.1)
      sinatra-respond_to (>= 0.8.0)
      sparql (>= 0.1.0)

GEM
  remote: http://rubygems.org/
  specs:
    addressable (2.3.2)
    backports (2.6.5)
    builder (3.1.4)
    curb (0.8.1)
    diff-lcs (1.1.3)
    equivalent-xml (0.3.0)
      nokogiri (>= 1.4.3)
    erubis (2.7.0)
    haml (3.1.7)
    htmlentities (4.3.1)
    json (1.7.5)
    json_pure (1.7.5)
    net-http-persistent (2.8)
    nokogiri (1.5.5)
    promise (0.3.0)
    rack (1.4.1)
    rack-cache (1.2)
      rack (>= 0.4)
    rack-protection (1.2.0)
      rack
    rack-test (0.6.2)
      rack (>= 1.0)
    rake (0.9.2.2)
    rdf-isomorphic (0.3.4)
      rdf (>= 0.2.3)
    rdf-json (0.3.0)
      json_pure (>= 1.4.2)
      rdf (~> 0.3.0)
    rdf-trix (0.3.0)
      rdf (~> 0.3.0)
    rdf-xsd (0.3.8)
      rdf (>= 0.3.4)
    redcarpet (2.2.2)
    rspec (2.11.0)
      rspec-core (~> 2.11.0)
      rspec-expectations (~> 2.11.0)
      rspec-mocks (~> 2.11.0)
    rspec-core (2.11.1)
    rspec-expectations (2.11.3)
      diff-lcs (~> 1.1.3)
    rspec-mocks (2.11.3)
    shotgun (0.9)
      rack (>= 1.0)
    sinatra (1.3.3)
      rack (~> 1.3, >= 1.3.6)
      rack-protection (~> 1.2)
      tilt (~> 1.3, >= 1.3.3)
    spira (0.0.12)
      promise (>= 0.3.0)
      rdf (>= 0.2.3)
      rdf-isomorphic (>= 0.3.0)
    syntax (1.0.0)
    tilt (1.3.3)
    wirble (0.1.3)

PLATFORMS
  ruby

DEPENDENCIES
  bundler
  json-ld!
  linkeddata!
  rack-test (>= 0.5.6)
  rake
  rdf!
  rdf-distiller!
  rdf-microdata!
  rdf-n3!
  rdf-rdfa!
  rdf-rdfxml!
  rdf-trig!
  rdf-turtle!
  redcarpet
  rspec (>= 2.5.0)
  shotgun
  sinatra-respond_to!
  sparql!
  sparql-client!
  spira (>= 0.0.12)
  sxp!
  syntax
  wirble
  yard!
