GIT
  remote: git://github.com/gkellogg/json-ld.git
  revision: 1afa25dc5b84fada09cc4e497369242cce47783e
  specs:
    json-ld (0.3.2)
      backports
      json (>= 1.7.5)
      rdf (>= 0.3.11)

GIT
  remote: git://github.com/gkellogg/sinatra-respond_to.git
  revision: bba116582cc48622e6c4a824aeb803d47a117a18
  specs:
    sinatra-respond_to (0.8.0)
      sinatra (~> 1.3)

GIT
  remote: git://github.com/gkellogg/sxp-ruby.git
  revision: c9b047883d2cfba98b02c5e457c8f6dcd4589270
  branch: gkellogg-master
  specs:
    sxp (0.1.0)
      json (>= 1.5.1)

GIT
  remote: git://github.com/lsegal/yard.git
  revision: 28421b2d222a16618816145f187ef2aaf319b7dd
  specs:
    yard (0.8.3)

GIT
  remote: git://github.com/ruby-rdf/linkeddata.git
  revision: 9e55d5c34920e5f7e6c36de9babf7b3da8177a7b
  specs:
    linkeddata (0.3.5)
      json-ld (>= 0.1.0)
      rdf (>= 0.3.5)
      rdf-isomorphic (>= 0.3.4)
      rdf-json (>= 0.3.0)
      rdf-microdata (>= 0.2.3)
      rdf-n3 (>= 0.3.6)
      rdf-rdfa (>= 0.3.9)
      rdf-rdfxml (>= 0.3.5)
      rdf-trig (>= 0.1.1)
      rdf-trix (>= 0.3.0)
      rdf-turtle (>= 0.1.1)

GIT
  remote: git://github.com/ruby-rdf/rdf-microdata.git
  revision: 81abe2377b50b4bd22ae0bb84937fcfc9140207d
  specs:
    rdf-microdata (0.3.0)
      htmlentities (>= 4.3.0)
      json (>= 1.6.1)
      rdf (>= 0.3.4)
      rdf-xsd (>= 0.3.4)

GIT
  remote: git://github.com/ruby-rdf/rdf-n3.git
  revision: 7462fddacebd06c5770eeb784f833825b5a18d43
  specs:
    rdf-n3 (0.3.7)
      rdf (>= 0.3.4)

GIT
  remote: git://github.com/ruby-rdf/rdf-rdfa.git
  revision: abc8f99c4347ba717a1531cdd4c0c005e542fe8c
  specs:
    rdf-rdfa (0.3.19)
      backports
      haml (>= 3.1.7)
      htmlentities (>= 4.3.1)
      rdf (>= 0.3.11)
      rdf-xsd (>= 0.3.8)

GIT
  remote: git://github.com/ruby-rdf/rdf-rdfxml.git
  revision: c646ccce39800894515bd8fb2fa28fa37cf52e2e
  specs:
    rdf-rdfxml (0.3.9)
      rdf (>= 0.3.11)
      rdf-xsd (>= 0.3.8)

GIT
  remote: git://github.com/ruby-rdf/rdf-trig.git
  revision: 6ee1f0d5d8beef4c6ac8cb8c90340a5b6d23952f
  specs:
    rdf-trig (0.1.4)
      rdf (>= 0.3.11)
      rdf-turtle (>= 0.3.2)

GIT
  remote: git://github.com/ruby-rdf/rdf-turtle.git
  revision: 122f1b1b84a347282f3166e30d6cae4f494de36d
  specs:
    rdf-turtle (0.3.2)
      rdf (>= 0.3.11)

GIT
  remote: git://github.com/ruby-rdf/rdf.git
  revision: 9ebede6b36b856b5be4e41d9f0a4d175428207aa
  specs:
    rdf (0.3.11)
      addressable (>= 2.2.6)

GIT
  remote: git://github.com/ruby-rdf/sparql-client.git
  revision: 34a6d6e9075899b91e70b099ca2de052b41a58bd
  specs:
    sparql-client (0.3.1)
      json_pure (>= 1.6.5)
      net-http-persistent (>= 1.4.1)
      rdf (>= 0.3.5)

GIT
  remote: git://github.com/ruby-rdf/sparql.git
  revision: f703f9de4555983ced8d3df445730799bd9a40fb
  specs:
    sparql (0.3.1)
      backports
      builder (>= 3.0.0)
      json (>= 1.5.1)
      rdf (>= 0.3.5)
      rdf-xsd (>= 0.3.5)
      sparql-client (>= 0.1.0)
      sxp (>= 0.0.14)

PATH
  remote: .
  specs:
    rdf-distiller (0.1.1)
      curb (>= 0.8.3)
      equivalent-xml (>= 0.3.0)
      erubis (>= 2.7.0)
      haml
      linkeddata (>= 0.3.5)
      maruku
      rack (>= 1.4.1)
      rack-cache
      sinatra (>= 1.3.3)
      sinatra-respond_to (>= 0.8.0)
      sparql (>= 0.3.1)

GEM
  remote: http://rubygems.org/
  specs:
    addressable (2.3.2)
    backports (2.6.5)
    builder (3.1.4)
    curb (0.8.3)
    data_objects (0.10.11)
      addressable (~> 2.1)
    diff-lcs (1.1.3)
    equivalent-xml (0.3.0)
      nokogiri (>= 1.4.3)
    erubis (2.7.0)
    haml (3.1.7)
    htmlentities (4.3.1)
    json (1.7.5)
    json_pure (1.7.5)
    maruku (0.6.1)
      syntax (>= 1.0.0)
    net-http-persistent (2.8)
    nokogiri (1.5.6)
    promise (0.3.0)
    rack (1.4.1)
    rack-cache (1.2)
      rack (>= 0.4)
    rack-protection (1.3.2)
      rack
    rack-test (0.6.2)
      rack (>= 1.0)
    rake (10.0.3)
    rdf-do (0.3.3)
      data_objects (>= 0.10.2)
      rdf (>= 0.2.3)
    rdf-isomorphic (0.3.4)
      rdf (>= 0.2.3)
    rdf-json (0.3.0)
      json_pure (>= 1.4.2)
      rdf (~> 0.3.0)
    rdf-trix (0.3.0)
      rdf (~> 0.3.0)
    rdf-xsd (0.3.8)
      rdf (>= 0.3.4)
    redcarpet (2.2.2)
    rspec (2.12.0)
      rspec-core (~> 2.12.0)
      rspec-expectations (~> 2.12.0)
      rspec-mocks (~> 2.12.0)
    rspec-core (2.12.2)
    rspec-expectations (2.12.1)
      diff-lcs (~> 1.1.3)
    rspec-mocks (2.12.1)
    shotgun (0.9)
      rack (>= 1.0)
    sinatra (1.3.3)
      rack (~> 1.3, >= 1.3.6)
      rack-protection (~> 1.2)
      tilt (~> 1.3, >= 1.3.3)
    spira (0.0.12)
      promise (>= 0.3.0)
      rdf (>= 0.2.3)
      rdf-isomorphic (>= 0.3.0)
    syntax (1.0.0)
    tilt (1.3.3)
    wirble (0.1.3)

PLATFORMS
  ruby

DEPENDENCIES
  bundler
  json-ld!
  linkeddata!
  rack-test (>= 0.6.2)
  rake
  rdf!
  rdf-distiller!
  rdf-do
  rdf-microdata!
  rdf-n3!
  rdf-rdfa!
  rdf-rdfxml!
  rdf-trig!
  rdf-turtle!
  redcarpet
  rspec (>= 2.12.0)
  shotgun
  sinatra-respond_to!
  sparql!
  sparql-client!
  spira (>= 0.0.12)
  sxp!
  syntax
  wirble
  yard!
