GIT
  remote: git://github.com/gkellogg/sxp-ruby.git
  revision: 0b9562cee02746c76e33e168d4357fc8c1a13df3
  specs:
    sxp (0.1.3)

GIT
  remote: git://github.com/ruby-rdf/json-ld.git
  revision: 0d618e734d9e40289c5f63663adc1b4378b69c26
  branch: develop
  specs:
    json-ld (1.1.6)
      rdf (~> 1.1, >= 1.1.4)

GIT
  remote: git://github.com/ruby-rdf/linkeddata.git
  revision: 86809c4b22e376dd420a89c08e43fc9eff4e2b9d
  branch: develop
  specs:
    linkeddata (1.1.1)
      equivalent-xml (>= 0.4.0)
      json-ld (>= 1.1.1)
      nokogiri (>= 1.6.1)
      rdf (>= 1.1.1)
      rdf-aggregate-repo (>= 1.1.0)
      rdf-isomorphic (>= 1.1.0)
      rdf-json (>= 1.1.0)
      rdf-microdata (>= 1.1.1)
      rdf-n3 (>= 1.1.0)
      rdf-rdfa (>= 1.1.1)
      rdf-rdfxml (>= 1.1.0)
      rdf-trig (>= 1.1.2)
      rdf-trix (>= 1.1.0)
      rdf-turtle (>= 1.1.2)
      sparql (>= 1.1.2)
      sparql-client (>= 1.1.1)

GIT
  remote: git://github.com/ruby-rdf/rack-linkeddata.git
  revision: 2254327f92f1814fef027364af6a7d8ddc162169
  branch: develop
  specs:
    rack-linkeddata (1.1.0)
      linkeddata (>= 1.1.0)
      rack (>= 1.4)

GIT
  remote: git://github.com/ruby-rdf/rdf-aggregate-repo.git
  revision: d44f16d422e8d009245d7a24ec3c7f5a06463788
  branch: develop
  specs:
    rdf-aggregate-repo (1.1.0)
      rdf (>= 1.1)

GIT
  remote: git://github.com/ruby-rdf/rdf-do.git
  revision: 4580ab883c1a8cc0d8c9fa01a38e0cd85175583c
  branch: develop
  specs:
    rdf-do (1.1.0)
      data_objects (>= 0.10.11)
      rdf (>= 1.1.0)

GIT
  remote: git://github.com/ruby-rdf/rdf-isomorphic.git
  revision: 5caf5dbad65a390f4adbdc1180c79b69b0451f61
  branch: develop
  specs:
    rdf-isomorphic (1.1.0)
      rdf (~> 1.1)

GIT
  remote: git://github.com/ruby-rdf/rdf-json.git
  revision: f1e85d5090676fca01f97045512f3af99651bd35
  branch: develop
  specs:
    rdf-json (1.1.0)
      rdf (>= 1.1.0)

GIT
  remote: git://github.com/ruby-rdf/rdf-microdata.git
  revision: fec3e5a7f16aab8de2a37b2049fc5845392c72f7
  branch: develop
  specs:
    rdf-microdata (1.1.2)
      htmlentities (~> 4.3)
      nokogiri (~> 1.6)
      rdf (~> 1.1)
      rdf-xsd (~> 1.1)

GIT
  remote: git://github.com/ruby-rdf/rdf-n3.git
  revision: 1c867df75c12f26221efb9e043aef62ca1c7164e
  branch: develop
  specs:
    rdf-n3 (1.1.1)
      rdf (~> 1.1, >= 1.1.4)

GIT
  remote: git://github.com/ruby-rdf/rdf-rdfa.git
  revision: ccf178bd85f4f96efbb75509a72a9222e6d94d32
  branch: develop
  specs:
    rdf-rdfa (1.1.3.2)
      haml (~> 4.0)
      htmlentities (~> 4.3)
      rdf (~> 1.1)
      rdf-xsd (~> 1.1)

GIT
  remote: git://github.com/ruby-rdf/rdf-rdfxml.git
  revision: 69bcd86e80217d71fc947c1aeae9ea29e4ffe93a
  branch: develop
  specs:
    rdf-rdfxml (1.1.0.1)
      rdf (~> 1.1)
      rdf-rdfa (~> 1.1)
      rdf-xsd (~> 1.1)

GIT
  remote: git://github.com/ruby-rdf/rdf-spec.git
  revision: 835959ff4d9b7465633472ea02ff073f05fb2734
  branch: develop
  specs:
    rdf-spec (1.1.3)

GIT
  remote: git://github.com/ruby-rdf/rdf-trig.git
  revision: 444f903056802c1ff590a8a4902e95dbcd724928
  branch: develop
  specs:
    rdf-trig (1.1.3.1)
      ebnf (~> 0.3, >= 0.3.5)
      rdf (~> 1.1, >= 1.1.2.1)
      rdf-turtle (~> 1.1, >= 1.1.3)

GIT
  remote: git://github.com/ruby-rdf/rdf-trix.git
  revision: 0cae0a4184df0e8018abb17d3e6cfce9a6bd69c3
  branch: develop
  specs:
    rdf-trix (1.1.0)
      rdf (>= 1.1)

GIT
  remote: git://github.com/ruby-rdf/rdf-turtle.git
  revision: d168261d97e4a0430aa85fc41b53b82f68f6dd65
  branch: develop
  specs:
    rdf-turtle (1.1.4)
      ebnf (~> 0.3, >= 0.3.6)
      rdf (~> 1.1, >= 1.1.4)

GIT
  remote: git://github.com/ruby-rdf/rdf-xsd.git
  revision: 8b9b0e49b1dfa1eb6023f3a0e2c9408238837b13
  branch: develop
  specs:
    rdf-xsd (1.1.1)
      rdf (~> 1.1)

GIT
  remote: git://github.com/ruby-rdf/rdf.git
  revision: 44f2f7987f94ec3198dca3e355c2769dd6899b8c
  branch: develop
  specs:
    rdf (1.1.4.3)

GIT
  remote: git://github.com/ruby-rdf/sinatra-linkeddata.git
  revision: 02a65eae738b1e4baa745223fc83c62e76537896
  branch: develop
  specs:
    sinatra-linkeddata (1.1.0)
      rack-linkeddata (>= 1.1.0)
      sinatra (>= 1.4.4)

GIT
  remote: git://github.com/ruby-rdf/sparql-client.git
  revision: 37268c46a964938627f3b59007c16e008343e957
  branch: develop
  specs:
    sparql-client (1.1.2)
      net-http-persistent (~> 1.4)
      rdf (~> 1.1)

GIT
  remote: git://github.com/ruby-rdf/sparql.git
  revision: 8cdf2624b4b7c5890cae012afe485209e504a157
  branch: develop
  specs:
    sparql (1.1.4)
      builder (~> 3.0)
      ebnf (~> 0.3, >= 0.3.5)
      rdf (~> 1.1, >= 1.1.4)
      rdf-aggregate-repo (~> 1.1, >= 1.1.0)
      rdf-xsd (~> 1.1)
      sparql-client (~> 1.1)
      sxp (~> 0.1)

PATH
  remote: .
  specs:
    rdf-distiller (1.1.5.2)
      equivalent-xml (~> 0.4)
      erubis (~> 2.7)
      haml
      linkeddata (~> 1.1)
      maruku
      rack (~> 1.5)
      rack-cache
      sinatra (~> 1.4)
      sparql (~> 1.1)
      webmock

GEM
  remote: http://rubygems.org/
  specs:
    addressable (2.3.6)
    better_errors (1.1.0)
      coderay (>= 1.0.0)
      erubis (>= 2.6.6)
    binding_of_caller (0.7.2)
      debug_inspector (>= 0.0.1)
    builder (3.2.2)
    byebug (3.2.0)
      columnize (~> 0.8)
      debugger-linecache (~> 1.2)
    coderay (1.1.0)
    columnize (0.8.9)
    crack (0.4.2)
      safe_yaml (~> 1.0.0)
    data_objects (0.10.14)
      addressable (~> 2.1)
    debug_inspector (0.0.2)
    debugger-linecache (1.2.0)
    diff-lcs (1.2.5)
    ebnf (0.3.6)
      haml (~> 4.0)
      rdf (~> 1.1)
      sxp (~> 0.1, >= 0.1.3)
    equivalent-xml (0.5.1)
      nokogiri (>= 1.4.3)
    erubis (2.7.0)
    haml (4.0.5)
      tilt
    htmlentities (4.3.2)
    kgio (2.9.2)
    maruku (0.7.2)
    mini_portile (0.6.0)
    net-http-persistent (1.9)
    nokogiri (1.6.3.1)
      mini_portile (= 0.6.0)
    rack (1.5.2)
    rack-cache (1.2)
      rack (>= 0.4)
    rack-protection (1.5.3)
      rack
    rack-test (0.6.2)
      rack (>= 1.0)
    raindrops (0.13.0)
    rake (10.3.2)
    redcarpet (3.1.2)
    rspec (3.0.0)
      rspec-core (~> 3.0.0)
      rspec-expectations (~> 3.0.0)
      rspec-mocks (~> 3.0.0)
    rspec-core (3.0.3)
      rspec-support (~> 3.0.0)
    rspec-expectations (3.0.3)
      diff-lcs (>= 1.2.0, < 2.0)
      rspec-support (~> 3.0.0)
    rspec-mocks (3.0.3)
      rspec-support (~> 3.0.0)
    rspec-support (3.0.3)
    safe_yaml (1.0.3)
    shotgun (0.9)
      rack (>= 1.0)
    sinatra (1.4.5)
      rack (~> 1.4)
      rack-protection (~> 1.4)
      tilt (~> 1.3, >= 1.3.4)
    syntax (1.2.0)
    tilt (1.4.1)
    unicorn (4.8.3)
      kgio (~> 2.6)
      rack
      raindrops (~> 0.7)
    webmock (1.18.0)
      addressable (>= 2.3.6)
      crack (>= 0.3.2)
    wirble (0.1.3)
    yard (0.8.7.4)

PLATFORMS
  ruby

DEPENDENCIES
  better_errors
  binding_of_caller
  bundler
  byebug
  json-ld!
  linkeddata!
  rack-linkeddata!
  rack-test (~> 0.6)
  rake
  rdf!
  rdf-aggregate-repo!
  rdf-distiller!
  rdf-do!
  rdf-isomorphic!
  rdf-json!
  rdf-microdata!
  rdf-n3!
  rdf-rdfa!
  rdf-rdfxml!
  rdf-spec!
  rdf-trig!
  rdf-trix!
  rdf-turtle!
  rdf-xsd!
  redcarpet
  rspec (~> 3.0)
  shotgun
  sinatra-linkeddata!
  sparql!
  sparql-client!
  sxp!
  syntax
  unicorn
  wirble
  yard
