GIT
  remote: https://github.com/gkellogg/rdf-n3.git
  revision: 98085da296dc1d570b96c0fd93589b51c549d024
  specs:
    rdf-n3 (0.3.1.1)
      rdf (>= 0.3.1)

GIT
  remote: https://github.com/gkellogg/rdf-rdfxml.git
  revision: 3fa8e071295d587f3045810b1d85f245f8696879
  specs:
    rdf-rdfxml (0.3.2.1)
      nokogiri (>= 1.4.4)
      rdf (>= 0.3.1)

GIT
  remote: https://github.com/gkellogg/rdf.git
  revision: 5b29e815e8e521b357a11087df3d70b502596e20
  branch: query-algebra
  specs:
    rdf (0.3.1)
      addressable (>= 2.2.4)

PATH
  remote: ../rdf-rdfa
  specs:
    rdf-rdfa (0.3.1.2)
      nokogiri (>= 1.3.3)
      rdf
      rdf (>= 0.3.1)

GEM
  remote: http://rubygems.org/
  specs:
    abstract (1.0.0)
    addressable (2.2.4)
    erubis (2.6.6)
      abstract (>= 1.0.0)
    json_pure (1.5.1)
    linkeddata (0.3.1)
      rdf (~> 0.3.1)
      rdf-isomorphic (~> 0.3.1)
      rdf-json (~> 0.3.0)
      rdf-n3 (~> 0.3.0)
      rdf-rdfa (~> 0.3.0)
      rdf-rdfxml (~> 0.3.0)
      rdf-trix (~> 0.3.0)
    nokogiri (1.4.4)
    rack (1.2.2)
    rack-linkeddata (0.3.0)
      linkeddata (~> 0.3.0)
      rack (>= 1.0)
    rdf-isomorphic (0.3.4)
      rdf (>= 0.2.3)
    rdf-json (0.3.0)
      json_pure (>= 1.4.2)
      rdf (~> 0.3.0)
    rdf-trix (0.3.0)
      rdf (~> 0.3.0)
    shotgun (0.9)
      rack (>= 1.0)
    sinatra (1.2.1)
      rack (~> 1.1)
      tilt (< 2.0, >= 1.2.2)
    sinatra-linkeddata (0.3.0)
      rack-linkeddata (~> 0.3.0)
      sinatra (>= 1.0)
    tilt (1.2.2)

PLATFORMS
  ruby

DEPENDENCIES
  erubis (>= 2.6.6)
  rdf!
  rdf-n3!
  rdf-rdfa!
  rdf-rdfxml!
  shotgun
  sinatra (>= 1.2.1)
  sinatra-linkeddata (>= 0.3.0)
