GIT
  remote: git://github.com/gkellogg/json-ld.git
  revision: deca083604fa12931f722eb1927329f101ad335a
  specs:
    json-ld (0.9.0)
      backports
      json (>= 1.7.5)
      rdf (>= 1.0)

GIT
  remote: git://github.com/gkellogg/sinatra-respond_to.git
  revision: bba116582cc48622e6c4a824aeb803d47a117a18
  specs:
    sinatra-respond_to (0.8.0)
      sinatra (~> 1.3)

GIT
  remote: git://github.com/ruby-rdf/linkeddata.git
  revision: b8527a92cfe2ea192b5495e2dc9f467346365a3e
  specs:
    linkeddata (1.0.0)
      json-ld (>= 0.9.0)
      rdf (>= 1.0)
      rdf-isomorphic (>= 1.0)
      rdf-json (>= 1.0)
      rdf-microdata (>= 1.0)
      rdf-n3 (>= 1.0)
      rdf-rdfa (>= 1.0)
      rdf-rdfxml (>= 1.0)
      rdf-trig (>= 1.0.0.beta1)
      rdf-trix (>= 1.0)
      rdf-turtle (>= 1.0)

GIT
  remote: git://github.com/ruby-rdf/rdf-isomorphic.git
  revision: 91633d5af5c741fed0c23d625aad3e1f51c3e9b4
  specs:
    rdf-isomorphic (1.0.0)
      rdf (>= 1.0)

GIT
  remote: git://github.com/ruby-rdf/rdf-json.git
  revision: 69723fedfea9f6f02049c94080464047869628fc
  specs:
    rdf-json (1.0.0)
      json_pure (>= 1.4)
      rdf (>= 1.0)

GIT
  remote: git://github.com/ruby-rdf/rdf-microdata.git
  revision: 6f4f54b8bb07eaae8979f2359799e2441e04f1b5
  specs:
    rdf-microdata (1.0.0)
      htmlentities (>= 4.3.0)
      json (>= 1.7.6)
      rdf (>= 1.0)
      rdf-xsd (>= 1.0)

GIT
  remote: git://github.com/ruby-rdf/rdf-n3.git
  revision: ee19836be8009f1be121bbedf68e92c2480c4643
  specs:
    rdf-n3 (1.0.0)
      rdf (>= 1.0)

GIT
  remote: git://github.com/ruby-rdf/rdf-rdfa.git
  revision: d758a2ebf99502345180bb07cc40929692ae3c5c
  specs:
    rdf-rdfa (1.0.0)
      backports
      haml (>= 3.1.7)
      htmlentities (>= 4.3.1)
      rdf (>= 1.0)
      rdf-xsd (>= 1.0)

GIT
  remote: git://github.com/ruby-rdf/rdf-rdfxml.git
  revision: 0bd4f65d6265c6b6dabfc28efe02799b463fbb7c
  specs:
    rdf-rdfxml (1.0.0)
      rdf (>= 1.0)
      rdf-xsd (>= 1.0)

GIT
  remote: git://github.com/ruby-rdf/rdf-trig.git
  revision: 2898efd9ffc75d8312db0b9efdceadb7b6403307
  specs:
    rdf-trig (1.0.0.beta1)
      rdf (>= 1.0)
      rdf-turtle (>= 1.0)

GIT
  remote: git://github.com/ruby-rdf/rdf-turtle.git
  revision: 8ddbc13f2d5df64f341f3fa2eb7b9b3659ca895f
  specs:
    rdf-turtle (1.0.0)
      rdf (>= 1.0)

GIT
  remote: git://github.com/ruby-rdf/rdf-xsd.git
  revision: 7b30ea519fcce4495dd473c1b5ac4f15dd5886c7
  specs:
    rdf-xsd (1.0.0)
      backports
      nokogiri (>= 1.5.0)
      rdf (>= 0.3.4)

GIT
  remote: git://github.com/ruby-rdf/rdf.git
  revision: 25584b6b22e9e7c9e450d2366a64b4852978073d
  specs:
    rdf (1.0.0)
      addressable (>= 2.2)

GIT
  remote: git://github.com/ruby-rdf/sparql-client.git
  revision: 48cbe0441e20ec64be3689fe05e17a606ba073e8
  specs:
    sparql-client (1.0.0)
      json_pure (>= 1.4)
      net-http-persistent (>= 1.4)
      rdf (>= 1.0)

GIT
  remote: git://github.com/ruby-rdf/sparql.git
  revision: f69874742f138e2175678c36ce348f3c60a96a96
  specs:
    sparql (1.0.1)
      backports
      builder (>= 3.0)
      json (>= 1.7)
      rdf (>= 1.0)
      rdf-xsd (>= 1.0)
      sparql-client (>= 1.0)
      sxp

PATH
  remote: .
  specs:
    rdf-distiller (0.1.1)
      curb (>= 0.8.3)
      equivalent-xml (>= 0.3.0)
      erubis (>= 2.7.0)
      haml
      linkeddata (>= 1.0)
      maruku
      rack (>= 1.4.4)
      rack-cache
      sinatra (>= 1.3.3)
      sinatra-respond_to (>= 0.8.0)
      sparql (>= 1.0)

GEM
  remote: http://rubygems.org/
  specs:
    addressable (2.3.2)
    backports (2.8.0)
    builder (3.1.4)
    curb (0.8.3)
    data_objects (0.10.12)
      addressable (~> 2.1)
    diff-lcs (1.1.3)
    equivalent-xml (0.3.0)
      nokogiri (>= 1.4.3)
    erubis (2.7.0)
    haml (3.1.7)
    htmlentities (4.3.1)
    json (1.7.6)
    json_pure (1.7.6)
    maruku (0.6.1)
      syntax (>= 1.0.0)
    net-http-persistent (2.8)
    nokogiri (1.5.6)
    rack (1.5.1)
    rack-cache (1.2)
      rack (>= 0.4)
    rack-protection (1.3.2)
      rack
    rack-test (0.6.2)
      rack (>= 1.0)
    rake (10.0.3)
    rdf-do (0.3.3)
      data_objects (>= 0.10.2)
      rdf (>= 0.2.3)
    rdf-trix (1.0.0)
      rdf (>= 1.0)
    redcarpet (2.2.2)
    rspec (2.12.0)
      rspec-core (~> 2.12.0)
      rspec-expectations (~> 2.12.0)
      rspec-mocks (~> 2.12.0)
    rspec-core (2.12.2)
    rspec-expectations (2.12.1)
      diff-lcs (~> 1.1.3)
    rspec-mocks (2.12.2)
    shotgun (0.9)
      rack (>= 1.0)
    sinatra (1.3.4)
      rack (~> 1.4)
      rack-protection (~> 1.3)
      tilt (~> 1.3, >= 1.3.3)
    sxp (0.1.0)
      json (>= 1.4.6)
    syntax (1.0.0)
    tilt (1.3.3)
    wirble (0.1.3)
    yard (0.8.3)

PLATFORMS
  ruby

DEPENDENCIES
  bundler
  json-ld!
  linkeddata!
  rack-test (>= 0.6.2)
  rake
  rdf!
  rdf-distiller!
  rdf-do
  rdf-isomorphic!
  rdf-json!
  rdf-microdata!
  rdf-n3!
  rdf-rdfa!
  rdf-rdfxml!
  rdf-trig!
  rdf-turtle!
  rdf-xsd!
  redcarpet
  rspec (>= 2.12.0)
  shotgun
  sinatra-respond_to!
  sparql!
  sparql-client!
  syntax
  wirble
  yard
