GIT
  remote: git://github.com/gkellogg/json-ld.git
  revision: 82b49268e689cb5a2da57833999e3de4456c36ad
  specs:
    json-ld (0.0.8)
      json (>= 1.5.1)
      rdf (>= 0.3.4)

GIT
  remote: git://github.com/gkellogg/linkeddata.git
  revision: 9221d23834955ecf97756059a740c6f696f72f3a
  specs:
    linkeddata (0.3.4)
      json-ld (>= 0.0.7)
      rdf (>= 0.3.4)
      rdf-isomorphic (>= 0.3.4)
      rdf-json (>= 0.3.0)
      rdf-microdata (>= 0.2.2)
      rdf-n3 (>= 0.3.6)
      rdf-rdfa (>= 0.3.7)
      rdf-rdfxml (>= 0.3.5)
      rdf-trix (>= 0.3.0)
      rdf-turtle (>= 0.1.0)

GIT
  remote: git://github.com/gkellogg/rdf-microdata.git
  revision: f70efedaedaa1c27334de6a92e615f0f4875ced1
  specs:
    rdf-microdata (0.2.2)
      htmlentities (>= 4.3.0)
      rdf (>= 0.3.4)
      rdf-xsd (>= 0.3.4)

GIT
  remote: git://github.com/gkellogg/rdf-n3.git
  revision: 112aac72331eb537e52e6ee53db11fa3ef48715b
  specs:
    rdf-n3 (0.3.6)
      rdf (>= 0.3.4)

GIT
  remote: git://github.com/gkellogg/rdf-rdfa.git
  revision: 67d45543d8d7bee0a2750a2f68115b24abf54609
  specs:
    rdf-rdfa (0.3.8)
      backports
      facets (>= 2.9.1)
      haml (>= 3.0.0)
      htmlentities (>= 4.3.0)
      rdf (>= 0.3.3)
      rdf-xsd (>= 0.3.5)

GIT
  remote: git://github.com/gkellogg/rdf-rdfxml.git
  revision: 5d5f72ab145d8f6cc825de4c0752a05879f474f8
  specs:
    rdf-rdfxml (0.3.5)
      nokogiri (>= 1.4.4)
      rdf (>= 0.3.4)

GIT
  remote: git://github.com/gkellogg/rdf-turtle.git
  revision: 691386e3093bc770a625de90a35248b1f11534bf
  specs:
    rdf-turtle (0.1.0)
      rdf (>= 0.3.4)

GIT
  remote: git://github.com/gkellogg/rdf.git
  revision: 2f48416d5795f2c6c6e86ca99bcd570ed0e49226
  specs:
    rdf (0.3.4.1)
      addressable (>= 2.2.6)

GIT
  remote: git://github.com/gkellogg/sparql.git
  revision: 52d4d0e632361540d0856f6a50047e7fb72a367c
  specs:
    sparql (0.0.2)
      builder (>= 3.0.0)
      json (>= 1.5.1)
      rdf (>= 0.3.4)
      rdf-xsd (>= 0.3.4)
      sparql-client (>= 0.0.9)
      sxp (>= 0.0.14)

GEM
  remote: http://rubygems.org/
  specs:
    addressable (2.2.6)
    backports (2.3.0)
    builder (3.0.0)
    data_objects (0.10.7)
      addressable (~> 2.1)
    equivalent-xml (0.2.8)
      nokogiri (>= 1.4.3)
    erubis (2.7.0)
    facets (2.9.2)
    haml (3.1.3)
    htmlentities (4.3.0)
    json (1.6.1)
    json_pure (1.6.1)
    net-http-persistent (1.4.1)
    nokogiri (1.5.0)
    promise (0.3.0)
    rack (1.3.5)
    rack-linkeddata (0.3.0)
      linkeddata (~> 0.3.0)
      rack (>= 1.0)
    rack-protection (1.1.4)
      rack
    rdf-do (0.3.3)
      data_objects (>= 0.10.2)
      rdf (>= 0.2.3)
    rdf-isomorphic (0.3.4)
      rdf (>= 0.2.3)
    rdf-json (0.3.0)
      json_pure (>= 1.4.2)
      rdf (~> 0.3.0)
    rdf-trix (0.3.0)
      rdf (~> 0.3.0)
    rdf-xsd (0.3.5)
      nokogiri (>= 1.5.0)
      rdf (>= 0.3.4)
    shotgun (0.9)
      rack (>= 1.0)
    sinatra (1.3.1)
      rack (~> 1.3, >= 1.3.4)
      rack-protection (~> 1.1, >= 1.1.2)
      tilt (~> 1.3, >= 1.3.3)
    sinatra-linkeddata (0.3.0)
      rack-linkeddata (~> 0.3.0)
      sinatra (>= 1.0)
    sparql-client (0.0.11)
      json_pure (>= 1.4.2)
      net-http-persistent (~> 1.4.1)
      rdf (>= 0.3.4)
    spira (0.0.12)
      promise (>= 0.3.0)
      rdf (>= 0.2.3)
      rdf-isomorphic (>= 0.3.0)
    sxp (0.0.14)
      json (>= 1.5.1)
    tilt (1.3.3)

PLATFORMS
  ruby

DEPENDENCIES
  equivalent-xml (>= 0.2.8)
  erubis (>= 2.7.0)
  haml (>= 3.1.3)
  json-ld!
  linkeddata!
  rack-linkeddata (>= 0.3.0)
  rdf!
  rdf-do
  rdf-isomorphic (>= 0.3.4)
  rdf-json (>= 0.3.0)
  rdf-microdata!
  rdf-n3!
  rdf-rdfa!
  rdf-rdfxml!
  rdf-trix (>= 0.3.0)
  rdf-turtle!
  shotgun
  sinatra (>= 1.3.1)
  sinatra-linkeddata (>= 0.3.0)
  sparql!
  spira (>= 0.0.12)
  sxp (>= 0.0.14)
