GIT
  remote: git://github.com/gkellogg/json-ld.git
  revision: 15780623b2b51b1309ec409f20c04932c4942522
  specs:
    json-ld (0.1.2)
      backports
      json (>= 1.6.5)
      rdf (>= 0.3.5)

GIT
  remote: git://github.com/gkellogg/sinatra-respond_to.git
  revision: bba116582cc48622e6c4a824aeb803d47a117a18
  specs:
    sinatra-respond_to (0.8.0)
      sinatra (~> 1.3)

GIT
  remote: git://github.com/ruby-rdf/linkeddata.git
  revision: 9a9bc310f279fd4e17b247b10677fd96f28006b2
  specs:
    linkeddata (0.3.5)
      json-ld (>= 0.1.0)
      rdf (>= 0.3.5)
      rdf-isomorphic (>= 0.3.4)
      rdf-json (>= 0.3.0)
      rdf-microdata (>= 0.2.3)
      rdf-n3 (>= 0.3.6)
      rdf-rdfa (>= 0.3.9)
      rdf-rdfxml (>= 0.3.5)
      rdf-trig (>= 0.1.1)
      rdf-trix (>= 0.3.0)
      rdf-turtle (>= 0.1.1)

GIT
  remote: git://github.com/ruby-rdf/rdf-microdata.git
  revision: 3d1253b2e54615769acf977471d173384ec6bf23
  specs:
    rdf-microdata (0.2.4)
      htmlentities (>= 4.3.0)
      json (>= 1.6.1)
      rdf (>= 0.3.4)
      rdf-xsd (>= 0.3.4)

GIT
  remote: git://github.com/ruby-rdf/rdf-n3.git
  revision: aaecf4d8f0b04cff264ffa5bf894491e0526446a
  specs:
    rdf-n3 (0.3.7)
      rdf (>= 0.3.4)

GIT
  remote: git://github.com/ruby-rdf/rdf-rdfa.git
  revision: 52ec0ddfdf1f7babca0434f67a456a42db7153a3
  specs:
    rdf-rdfa (0.3.14)
      haml (>= 3.1.6)
      htmlentities (>= 4.3.0)
      rdf (>= 0.3.5)
      rdf-xsd (>= 0.3.7)

GIT
  remote: git://github.com/ruby-rdf/rdf-rdfxml.git
  revision: 5127e818cccd4818ea7b73691c39a416abc9aafa
  specs:
    rdf-rdfxml (0.3.8)
      rdf (>= 0.3.4)
      rdf-xsd (>= 0.3.5)

GIT
  remote: git://github.com/ruby-rdf/rdf-trig.git
  revision: 91a3c989936102e749ae99a87243b9475bc0f861
  specs:
    rdf-trig (0.1.3)
      rdf (>= 0.3.4)
      rdf-turtle (>= 0.1.1)

GIT
  remote: git://github.com/ruby-rdf/rdf-turtle.git
  revision: 25799b72e2e6c6b2e1cfec7a7d3b71eb8b4ce4c1
  specs:
    rdf-turtle (0.1.2)
      rdf (>= 0.3.4)

GIT
  remote: git://github.com/ruby-rdf/rdf.git
  revision: d370dbb82fd0924acc5866fd020205f81ce76704
  specs:
    rdf (0.3.6)
      addressable (>= 2.2.6)

GIT
  remote: git://github.com/ruby-rdf/sparql.git
  revision: ecc53b9a8b9cd26824f46c1dacd1eb75136c5115
  specs:
    sparql (0.3.0)
      builder (>= 3.0.0)
      json (>= 1.5.1)
      rdf (>= 0.3.5)
      rdf-xsd (>= 0.3.5)
      sparql-client (>= 0.1.0)
      sxp (>= 0.0.14)

PATH
  remote: .
  specs:
    rdf-distiller (0.1.1)
      curb (>= 0.8.0)
      equivalent-xml (>= 0.2.8)
      erubis (>= 2.6.6)
      linkeddata (>= 0.3.5)
      rack (>= 1.3.1)
      rack-cache
      sinatra (>= 1.2.1)
      sinatra-respond_to (>= 0.8.0)
      sparql (>= 0.1.0)

GEM
  remote: http://rubygems.org/
  specs:
    addressable (2.2.8)
    backports (2.6.1)
    builder (3.0.0)
    curb (0.8.0)
    diff-lcs (1.1.3)
    equivalent-xml (0.2.9)
      nokogiri (>= 1.4.3)
    erubis (2.7.0)
    haml (3.1.6)
    htmlentities (4.3.1)
    json (1.7.3)
    json_pure (1.7.3)
    net-http-persistent (1.4.1)
    nokogiri (1.5.2)
    promise (0.3.0)
    rack (1.4.1)
    rack-cache (1.2)
      rack (>= 0.4)
    rack-protection (1.2.0)
      rack
    rack-test (0.6.1)
      rack (>= 1.0)
    rdf-isomorphic (0.3.4)
      rdf (>= 0.2.3)
    rdf-json (0.3.0)
      json_pure (>= 1.4.2)
      rdf (~> 0.3.0)
    rdf-trix (0.3.0)
      rdf (~> 0.3.0)
    rdf-xsd (0.3.7)
      backports
      nokogiri (>= 1.5.0)
      rdf (>= 0.3.4)
    rspec (2.10.0)
      rspec-core (~> 2.10.0)
      rspec-expectations (~> 2.10.0)
      rspec-mocks (~> 2.10.0)
    rspec-core (2.10.1)
    rspec-expectations (2.10.0)
      diff-lcs (~> 1.1.3)
    rspec-mocks (2.10.1)
    shotgun (0.9)
      rack (>= 1.0)
    sinatra (1.3.2)
      rack (~> 1.3, >= 1.3.6)
      rack-protection (~> 1.2)
      tilt (~> 1.3, >= 1.3.3)
    sparql-client (0.1.0)
      json_pure (>= 1.6.5)
      net-http-persistent (~> 1.4.1)
      rdf (>= 0.3.5)
    spira (0.0.12)
      promise (>= 0.3.0)
      rdf (>= 0.2.3)
      rdf-isomorphic (>= 0.3.0)
    sxp (0.0.14)
      json (>= 1.5.1)
    syntax (1.0.0)
    tilt (1.3.3)
    wirble (0.1.3)
    yard (0.7.5)

PLATFORMS
  ruby

DEPENDENCIES
  bundler
  json-ld!
  linkeddata!
  rack-test (>= 0.5.6)
  rdf!
  rdf-distiller!
  rdf-microdata!
  rdf-n3!
  rdf-rdfa!
  rdf-rdfxml!
  rdf-trig!
  rdf-turtle!
  rspec (>= 2.5.0)
  shotgun
  sinatra-respond_to!
  sparql!
  spira (>= 0.0.12)
  syntax
  wirble
  yard (= 0.7.5)
