GIT
  remote: git://github.com/gkellogg/json-ld.git
  revision: b62952eb09f2bfb52d8995d6a6b04eb408c2b760
  specs:
    json-ld (0.9.1)
      backports
      json (>= 1.7.5)
      rdf (>= 1.0)

GIT
  remote: git://github.com/gkellogg/sinatra-respond_to.git
  revision: bba116582cc48622e6c4a824aeb803d47a117a18
  specs:
    sinatra-respond_to (0.8.0)
      sinatra (~> 1.3)

GIT
  remote: git://github.com/ruby-rdf/linkeddata.git
  revision: b8527a92cfe2ea192b5495e2dc9f467346365a3e
  specs:
    linkeddata (1.0.0)
      json-ld (>= 0.9.0)
      rdf (>= 1.0)
      rdf-isomorphic (>= 1.0)
      rdf-json (>= 1.0)
      rdf-microdata (>= 1.0)
      rdf-n3 (>= 1.0)
      rdf-rdfa (>= 1.0)
      rdf-rdfxml (>= 1.0)
      rdf-trig (>= 1.0.0.beta1)
      rdf-trix (>= 1.0)
      rdf-turtle (>= 1.0)

GIT
  remote: git://github.com/ruby-rdf/rdf-isomorphic.git
  revision: 91633d5af5c741fed0c23d625aad3e1f51c3e9b4
  specs:
    rdf-isomorphic (1.0.0)
      rdf (>= 1.0)

GIT
  remote: git://github.com/ruby-rdf/rdf-json.git
  revision: 69723fedfea9f6f02049c94080464047869628fc
  specs:
    rdf-json (1.0.0)
      json_pure (>= 1.4)
      rdf (>= 1.0)

GIT
  remote: git://github.com/ruby-rdf/rdf-microdata.git
  revision: 3934c5d41916938c0ded22c92b873225613090f9
  specs:
    rdf-microdata (1.0.0)
      htmlentities (>= 4.3.0)
      json (>= 1.7.6)
      rdf (>= 1.0)
      rdf-xsd (>= 1.0)

GIT
  remote: git://github.com/ruby-rdf/rdf-n3.git
  revision: ee19836be8009f1be121bbedf68e92c2480c4643
  specs:
    rdf-n3 (1.0.0)
      rdf (>= 1.0)

GIT
  remote: git://github.com/ruby-rdf/rdf-rdfa.git
  revision: 344cb53f4f7f513a2bc82ccf162418d49e33811a
  specs:
    rdf-rdfa (1.0.1)
      haml (>= 3.1.7)
      htmlentities (>= 4.3.1)
      rdf (>= 1.0)
      rdf-xsd (>= 1.0)

GIT
  remote: git://github.com/ruby-rdf/rdf-rdfxml.git
  revision: 34c4482dfe455abeb8baed39f54b260ad0d0d922
  specs:
    rdf-rdfxml (1.0.0)
      rdf (>= 1.0)
      rdf-xsd (>= 1.0)

GIT
  remote: git://github.com/ruby-rdf/rdf-trig.git
  revision: 313b91818954e71d1ba81278a4ca4e0ef750d2e8
  specs:
    rdf-trig (1.0.0.beta3)
      ebnf (>= 0.2.0)
      rdf (>= 1.0)
      rdf-turtle (>= 1.0)

GIT
  remote: git://github.com/ruby-rdf/rdf-turtle.git
  revision: 1d633039289dd8c7088cf3835a8bbb0d25ba52b8
  specs:
    rdf-turtle (1.0.4)
      ebnf (>= 0.3.0)
      rdf (>= 1.0)

GIT
  remote: git://github.com/ruby-rdf/rdf-xsd.git
  revision: 9cc42e4978d9db12281411c44e43d8ae483590c7
  specs:
    rdf-xsd (1.0.0)
      nokogiri (>= 1.5.0)
      rdf (>= 0.3.4)

GIT
  remote: git://github.com/ruby-rdf/rdf.git
  revision: db491e3ac083e6da04a0c5c64f87cb951dbb41af
  specs:
    rdf (1.0.5)
      addressable (>= 2.2)

GIT
  remote: git://github.com/ruby-rdf/sparql-client.git
  revision: 29575084a1786c99372b158227514c2b6075bdf1
  specs:
    sparql-client (1.0.1)
      json_pure (>= 1.4)
      net-http-persistent (>= 1.4)
      rdf (>= 1.0)

GIT
  remote: git://github.com/ruby-rdf/sparql.git
  revision: aeef4d66b9862069d54740098e8cbcfd69013da6
  specs:
    sparql (1.0.4)
      builder (>= 3.0)
      ebnf (>= 0.3.0)
      json (>= 1.7)
      rdf (>= 1.0.4)
      rdf-xsd (>= 1.0)
      sparql-client (>= 1.0)
      sxp (>= 0.1.0)

PATH
  remote: .
  specs:
    rdf-distiller (0.1.1)
      curb (>= 0.8.3)
      equivalent-xml (>= 0.3.0)
      erubis (>= 2.7.0)
      haml
      linkeddata (>= 1.0)
      maruku
      rack (>= 1.4.4)
      rack-cache
      sinatra (>= 1.3.3)
      sinatra-respond_to (>= 0.8.0)
      sparql (>= 1.0)

GEM
  remote: https://rubygems.org/
  specs:
    addressable (2.3.3)
    backports (3.3.0)
    builder (3.2.0)
    columnize (0.3.6)
    curb (0.8.3)
    data_objects (0.10.12)
      addressable (~> 2.1)
    debugger (1.5.0)
      columnize (>= 0.3.1)
      debugger-linecache (~> 1.2.0)
      debugger-ruby_core_source (~> 1.2.0)
    debugger-linecache (1.2.0)
    debugger-ruby_core_source (1.2.0)
    diff-lcs (1.2.3)
    ebnf (0.3.0)
      rdf
      sxp
    equivalent-xml (0.3.0)
      nokogiri (>= 1.4.3)
    erubis (2.7.0)
    haml (4.0.2)
      tilt
    htmlentities (4.3.1)
    json (1.7.7)
    json_pure (1.7.7)
    maruku (0.6.1)
      syntax (>= 1.0.0)
    net-http-persistent (2.8)
    nokogiri (1.5.9)
    rack (1.5.2)
    rack-cache (1.2)
      rack (>= 0.4)
    rack-protection (1.5.0)
      rack
    rack-test (0.6.2)
      rack (>= 1.0)
    rake (10.0.4)
    rdf-do (0.3.3)
      data_objects (>= 0.10.2)
      rdf (>= 0.2.3)
    rdf-trix (1.0.0)
      rdf (>= 1.0)
    redcarpet (2.2.2)
    rspec (2.13.0)
      rspec-core (~> 2.13.0)
      rspec-expectations (~> 2.13.0)
      rspec-mocks (~> 2.13.0)
    rspec-core (2.13.1)
    rspec-expectations (2.13.0)
      diff-lcs (>= 1.1.3, < 2.0)
    rspec-mocks (2.13.1)
    rubygems-bundler (1.1.1)
    shotgun (0.9)
      rack (>= 1.0)
    sinatra (1.4.2)
      rack (~> 1.5, >= 1.5.2)
      rack-protection (~> 1.4)
      tilt (~> 1.3, >= 1.3.4)
    sxp (0.1.2)
      json (>= 1.1.1)
    syntax (1.0.0)
    tilt (1.3.7)
    wirble (0.1.3)
    yard (0.8.5.2)

PLATFORMS
  ruby

DEPENDENCIES
  bundler
  debugger
  json-ld!
  linkeddata!
  rack-test (>= 0.6.2)
  rake
  rdf!
  rdf-distiller!
  rdf-do
  rdf-isomorphic!
  rdf-json!
  rdf-microdata!
  rdf-n3!
  rdf-rdfa!
  rdf-rdfxml!
  rdf-trig!
  rdf-turtle!
  rdf-xsd!
  redcarpet
  rspec (>= 2.12.0)
  rubygems-bundler
  shotgun
  sinatra-respond_to!
  sparql!
  sparql-client!
  syntax
  wirble
  yard
