GIT
  remote: git://github.com/gkellogg/sxp-ruby.git
  revision: 81340b68e25250359b5f52e0a101d0420e2ea439
  specs:
    sxp (0.1.3)
      json (>= 1.1.1)

GIT
  remote: git://github.com/ruby-rdf/json-ld.git
  revision: 3847b0d8b3ee3c7a0925f235440931940bda9041
  branch: develop
  specs:
    json-ld (1.1.0)
      rdf (>= 1.0.8)

GIT
  remote: git://github.com/ruby-rdf/linkeddata.git
  revision: ea63010ad522d07b7f960db62499bdfa1d3baca1
  branch: develop
  specs:
    linkeddata (1.1.0)
      json-ld (>= 1.1.0)
      rdf (>= 1.1.0)
      rdf-isomorphic (>= 1.1.0)
      rdf-json (>= 1.1.0)
      rdf-microdata (>= 1.1.0)
      rdf-n3 (>= 1.1.0)
      rdf-rdfa (>= 1.1.0)
      rdf-rdfxml (>= 1.1.0)
      rdf-trig (>= 1.1.0)
      rdf-trix (>= 1.1.0)
      rdf-turtle (>= 1.1.0)
      sparql (>= 1.1.2)
      sparql-client (>= 1.1.0)

GIT
  remote: git://github.com/ruby-rdf/rack-linkeddata.git
  revision: a5fbb0a610a5502a71d2de17df69c231596b4619
  branch: develop
  specs:
    rack-linkeddata (1.1.0)
      linkeddata (>= 1.1.0)
      rack (>= 1.4)

GIT
  remote: git://github.com/ruby-rdf/rdf-aggregate-repo.git
  revision: f90f435be6c3ecedb5952e5e91012257010df67b
  branch: develop
  specs:
    rdf-aggregate-repo (1.1.0)
      rdf (>= 1.1)

GIT
  remote: git://github.com/ruby-rdf/rdf-do.git
  revision: 609dd12b54e735c40ea852e0fb93b1e6daa95bc2
  branch: develop
  specs:
    rdf-do (1.1.0)
      data_objects (>= 0.10.11)
      rdf (>= 1.1.0)

GIT
  remote: git://github.com/ruby-rdf/rdf-isomorphic.git
  revision: 14b06675c0eb2c261683effabddf8b8e5c8ff09c
  branch: develop
  specs:
    rdf-isomorphic (1.1.0)
      rdf (>= 1.1)

GIT
  remote: git://github.com/ruby-rdf/rdf-json.git
  revision: 0a1c61113b6bc32173abec163f33d738aa91029b
  branch: develop
  specs:
    rdf-json (1.1.0)
      rdf (>= 1.1.0)

GIT
  remote: git://github.com/ruby-rdf/rdf-microdata.git
  revision: 9fd464d1679e1ab86f75cc43ae6991ba7def0337
  branch: develop
  specs:
    rdf-microdata (1.1.0)
      htmlentities (>= 4.3.0)
      rdf (>= 1.1.0)
      rdf-xsd (>= 1.1.0)

GIT
  remote: git://github.com/ruby-rdf/rdf-n3.git
  revision: f35e2ec443c72f4fab64f34f18fdfb776add8a8a
  branch: develop
  specs:
    rdf-n3 (1.1.0)
      rdf (>= 1.1)

GIT
  remote: git://github.com/ruby-rdf/rdf-rdfa.git
  revision: e9d848779bad6758a758519ba565276890344132
  branch: develop
  specs:
    rdf-rdfa (1.1.0)
      haml (>= 4.0)
      htmlentities (>= 4.3.1)
      rdf (>= 1.1.0)
      rdf-xsd (>= 1.1)

GIT
  remote: git://github.com/ruby-rdf/rdf-rdfxml.git
  revision: de5641626e4d1c0e606ffc42ed13c0b84ade819d
  branch: develop
  specs:
    rdf-rdfxml (1.1.0)
      rdf (>= 1.1)
      rdf-rdfa (>= 1.1)
      rdf-xsd (>= 1.1)

GIT
  remote: git://github.com/ruby-rdf/rdf-spec.git
  revision: e078a37d69ca75566442cf2e08c79f851435a05b
  branch: develop
  specs:
    rdf-spec (1.1.0)
      rspec (>= 2.14)

GIT
  remote: git://github.com/ruby-rdf/rdf-trig.git
  revision: 69b86ce47c280e086e35b72c69405ef56b0fe97c
  branch: develop
  specs:
    rdf-trig (1.1.0)
      ebnf (>= 0.3.0)
      rdf (>= 1.0.7)
      rdf-turtle (>= 1.0.9)

GIT
  remote: git://github.com/ruby-rdf/rdf-trix.git
  revision: 5ec6e8a2f589f06cde40fc4da64ca7a317ce7128
  branch: develop
  specs:
    rdf-trix (1.1.0)
      rdf (>= 1.1)

GIT
  remote: git://github.com/ruby-rdf/rdf-turtle.git
  revision: 66c0a26bcd4989fadb665bf067d80148bae326c9
  branch: develop
  specs:
    rdf-turtle (1.1.0)
      ebnf (>= 0.3.1)
      rdf (>= 1.1)

GIT
  remote: git://github.com/ruby-rdf/rdf-xsd.git
  revision: 59c56fb4c68fa4ef94b9c76fd9597f8cbdce1c27
  branch: develop
  specs:
    rdf-xsd (1.1.0)
      rdf (>= 1.1)

GIT
  remote: git://github.com/ruby-rdf/rdf.git
  revision: 87f3f5c3cf4c34134b28edd35c2813ea252bfc3c
  branch: develop
  specs:
    rdf (1.1.0)

GIT
  remote: git://github.com/ruby-rdf/sinatra-linkeddata.git
  revision: 9e190e2db9323e1068587c7f4521c88a9d568bef
  branch: develop
  specs:
    sinatra-linkeddata (1.1.0)
      rack-linkeddata (>= 1.1.0)
      sinatra (>= 1.4.4)

GIT
  remote: git://github.com/ruby-rdf/sparql-client.git
  revision: d1dae680df05239e8c738b78589da03abda8af68
  branch: develop
  specs:
    sparql-client (1.1.0)
      json (>= 1.8)
      net-http-persistent (>= 1.4)
      rdf (>= 1.1)

GIT
  remote: git://github.com/ruby-rdf/sparql.git
  revision: d24cca503817f05da5025680630ff9e72b487477
  branch: develop
  specs:
    sparql (1.1.2)
      builder (>= 3.0)
      ebnf (>= 0.3.1)
      json (>= 1.7)
      rdf (>= 1.1.0)
      rdf-aggregate-repo (>= 1.1.0)
      rdf-xsd (>= 1.0.2)
      sparql-client (>= 1.1)
      sxp (>= 0.1.3)

PATH
  remote: .
  specs:
    rdf-distiller (1.1.0rc1)
      equivalent-xml (>= 0.3.0)
      erubis (>= 2.7.0)
      haml
      linkeddata (>= 1.1)
      maruku
      rack (>= 1.4.4)
      rack-cache
      sinatra (>= 1.4.4)
      sparql (>= 1.1.2)
      webmock

GEM
  remote: https://rubygems.org/
  specs:
    addressable (2.3.5)
    better_errors (1.0.1)
      coderay (>= 1.0.0)
      erubis (>= 2.6.6)
    binding_of_caller (0.7.2)
      debug_inspector (>= 0.0.1)
    builder (3.2.2)
    byebug (2.3.1)
      columnize (~> 0.3.6)
      debugger-linecache (~> 1.2.0)
    coderay (1.1.0)
    columnize (0.3.6)
    crack (0.4.1)
      safe_yaml (~> 0.9.0)
    data_objects (0.10.13)
      addressable (~> 2.1)
    debug_inspector (0.0.2)
    debugger (1.6.2)
      columnize (>= 0.3.1)
      debugger-linecache (~> 1.2.0)
      debugger-ruby_core_source (~> 1.2.3)
    debugger-linecache (1.2.0)
    debugger-ruby_core_source (1.2.4)
    diff-lcs (1.2.5)
    ebnf (0.3.1)
      rdf
      sxp
    equivalent-xml (0.3.0)
      nokogiri (>= 1.4.3)
    erubis (2.7.0)
    haml (4.0.4)
      tilt
    htmlentities (4.3.1)
    json (1.8.1)
    kgio (2.8.1)
    maruku (0.7.0)
    mini_portile (0.5.2)
    net-http-persistent (2.9)
    nokogiri (1.6.0)
      mini_portile (~> 0.5.0)
    rack (1.5.2)
    rack-cache (1.2)
      rack (>= 0.4)
    rack-protection (1.5.1)
      rack
    rack-test (0.6.2)
      rack (>= 1.0)
    raindrops (0.12.0)
    rake (10.1.0)
    redcarpet (3.0.0)
    rspec (2.14.1)
      rspec-core (~> 2.14.0)
      rspec-expectations (~> 2.14.0)
      rspec-mocks (~> 2.14.0)
    rspec-core (2.14.7)
    rspec-expectations (2.14.4)
      diff-lcs (>= 1.1.3, < 2.0)
    rspec-mocks (2.14.4)
    safe_yaml (0.9.7)
    shotgun (0.9)
      rack (>= 1.0)
    sinatra (1.4.4)
      rack (~> 1.4)
      rack-protection (~> 1.4)
      tilt (~> 1.3, >= 1.3.4)
    syntax (1.0.0)
    tilt (1.4.1)
    unicorn (4.7.0)
      kgio (~> 2.6)
      rack
      raindrops (~> 0.7)
    webmock (1.16.0)
      addressable (>= 2.2.7)
      crack (>= 0.3.2)
    wirble (0.1.3)
    yard (0.8.7.3)

PLATFORMS
  ruby

DEPENDENCIES
  better_errors
  binding_of_caller
  bundler
  byebug
  debugger
  json-ld!
  linkeddata!
  rack-linkeddata!
  rack-test (>= 0.6.2)
  rake
  rdf!
  rdf-aggregate-repo!
  rdf-distiller!
  rdf-do!
  rdf-isomorphic!
  rdf-json!
  rdf-microdata!
  rdf-n3!
  rdf-rdfa!
  rdf-rdfxml!
  rdf-spec!
  rdf-trig!
  rdf-trix!
  rdf-turtle!
  rdf-xsd!
  redcarpet
  rspec (>= 2.12.0)
  ruby-debug
  shotgun
  sinatra-linkeddata!
  sparql!
  sparql-client!
  sxp!
  syntax
  unicorn
  wirble
  yard
