GIT
  remote: git://github.com/gkellogg/json-ld.git
  revision: 49242c80071ba39ee796c052881291ad30c040dd
  specs:
    json-ld (0.1.2)
      backports
      json (>= 1.6.5)
      rdf (>= 0.3.5)

GIT
  remote: git://github.com/gkellogg/linkeddata.git
  revision: c984dc35b7effbaf97494c4b458efdd2694a1d1a
  specs:
    linkeddata (0.3.5)
      json-ld (>= 0.1.0)
      rdf (>= 0.3.5)
      rdf-isomorphic (>= 0.3.4)
      rdf-json (>= 0.3.0)
      rdf-microdata (>= 0.2.3)
      rdf-n3 (>= 0.3.6)
      rdf-rdfa (>= 0.3.9)
      rdf-rdfxml (>= 0.3.5)
      rdf-trig (>= 0.1.1)
      rdf-trix (>= 0.3.0)
      rdf-turtle (>= 0.1.1)

GIT
  remote: git://github.com/gkellogg/rdf-microdata.git
  revision: 657be7cf737dbc706c6c48438dc9ccab47925689
  specs:
    rdf-microdata (0.2.3.1)
      htmlentities (>= 4.3.0)
      json (>= 1.6.1)
      rdf (>= 0.3.4)
      rdf-xsd (>= 0.3.4)

GIT
  remote: git://github.com/gkellogg/rdf-n3.git
  revision: 09fdfa91d5e46526d63ad754e8e91e64f9314ebb
  specs:
    rdf-n3 (0.3.6)
      rdf (>= 0.3.4)

GIT
  remote: git://github.com/gkellogg/rdf-rdfa.git
  revision: d5b14c23ea8cb667fd1f02fe573b277576c5a5f6
  specs:
    rdf-rdfa (0.3.10.1)
      backports
      haml (>= 3.0.0)
      htmlentities (>= 4.3.0)
      rdf (>= 0.3.3)
      rdf-xsd (>= 0.3.5)

GIT
  remote: git://github.com/gkellogg/rdf-rdfxml.git
  revision: b0850defb277f3e8d35232d807883f5f80251bc7
  specs:
    rdf-rdfxml (0.3.6)
      rdf (>= 0.3.4)
      rdf-xsd (>= 0.3.5)

GIT
  remote: git://github.com/gkellogg/rdf-trig.git
  revision: 770b0c104888e02d981b1ae3f7c29c83469da607
  specs:
    rdf-trig (0.1.2)
      rdf (>= 0.3.4)
      rdf-turtle (>= 0.1.1)

GIT
  remote: git://github.com/gkellogg/rdf-turtle.git
  revision: 012242db4bf7758210842f77b809bc93fa7093f3
  specs:
    rdf-turtle (0.1.1)
      rdf (>= 0.3.4)

GIT
  remote: git://github.com/gkellogg/rdf.git
  revision: 3180bdf0fa8e42c30dfb9bee5263503b0ed35731
  specs:
    rdf (0.3.5.2)
      addressable (>= 2.2.6)

GIT
  remote: git://github.com/gkellogg/sinatra-respond_to.git
  revision: bba116582cc48622e6c4a824aeb803d47a117a18
  specs:
    sinatra-respond_to (0.8.0)
      sinatra (~> 1.3)

GIT
  remote: git://github.com/gkellogg/sparql.git
  revision: fa1b9c1a04a7f4480da186aee032d5349a32e4ad
  specs:
    sparql (0.1.1)
      backports
      builder (>= 3.0.0)
      json (>= 1.5.1)
      rdf (>= 0.3.5)
      rdf-xsd (>= 0.3.5)
      sparql-client (>= 0.0.11)
      sxp (>= 0.0.14)

PATH
  remote: .
  specs:
    rdf-distiller (0.1.1)
      curb (>= 0.8.0)
      equivalent-xml (>= 0.2.8)
      erubis (>= 2.6.6)
      linkeddata (>= 0.3.5)
      rack (>= 1.3.1)
      rack-cache
      sinatra (>= 1.2.1)
      sinatra-respond_to (>= 0.8.0)
      sparql (>= 0.1.0)

GEM
  remote: http://rubygems.org/
  specs:
    addressable (2.2.8)
    backports (2.5.1)
    builder (3.0.0)
    curb (0.8.0)
    diff-lcs (1.1.3)
    equivalent-xml (0.2.9)
      nokogiri (>= 1.4.3)
    erubis (2.7.0)
    haml (3.1.4)
    htmlentities (4.3.1)
    json (1.7.0)
    json_pure (1.7.0)
    net-http-persistent (1.4.1)
    nokogiri (1.5.2)
    promise (0.3.0)
    rack (1.4.1)
    rack-cache (1.2)
      rack (>= 0.4)
    rack-protection (1.2.0)
      rack
    rack-test (0.6.1)
      rack (>= 1.0)
    rdf-isomorphic (0.3.4)
      rdf (>= 0.2.3)
    rdf-json (0.3.0)
      json_pure (>= 1.4.2)
      rdf (~> 0.3.0)
    rdf-trix (0.3.0)
      rdf (~> 0.3.0)
    rdf-xsd (0.3.5)
      nokogiri (>= 1.5.0)
      rdf (>= 0.3.4)
    rspec (2.10.0)
      rspec-core (~> 2.10.0)
      rspec-expectations (~> 2.10.0)
      rspec-mocks (~> 2.10.0)
    rspec-core (2.10.0)
    rspec-expectations (2.10.0)
      diff-lcs (~> 1.1.3)
    rspec-mocks (2.10.1)
    shotgun (0.9)
      rack (>= 1.0)
    sinatra (1.3.2)
      rack (~> 1.3, >= 1.3.6)
      rack-protection (~> 1.2)
      tilt (~> 1.3, >= 1.3.3)
    sparql-client (0.1.0)
      json_pure (>= 1.6.5)
      net-http-persistent (~> 1.4.1)
      rdf (>= 0.3.5)
    spira (0.0.12)
      promise (>= 0.3.0)
      rdf (>= 0.2.3)
      rdf-isomorphic (>= 0.3.0)
    sxp (0.0.14)
      json (>= 1.5.1)
    syntax (1.0.0)
    tilt (1.3.3)
    wirble (0.1.3)
    yard (0.8.1)

PLATFORMS
  ruby

DEPENDENCIES
  bundler
  json-ld!
  linkeddata!
  rack-test (>= 0.5.6)
  rdf!
  rdf-distiller!
  rdf-microdata!
  rdf-n3!
  rdf-rdfa!
  rdf-rdfxml!
  rdf-trig!
  rdf-turtle!
  rspec (>= 2.5.0)
  shotgun
  sinatra-respond_to!
  sparql!
  spira (>= 0.0.12)
  syntax
  wirble
  yard (>= 0.6.7)
