GIT
  remote: git://github.com/gkellogg/json-ld.git
  revision: 49f82cfbc48a8205da54285ae94a92a0ecd37263
  specs:
    json-ld (0.1.0)
      json (>= 1.5.1)
      rdf (>= 0.3.4)

GIT
  remote: git://github.com/gkellogg/linkeddata.git
  revision: 9221d23834955ecf97756059a740c6f696f72f3a
  specs:
    linkeddata (0.3.4)
      json-ld (>= 0.0.7)
      rdf (>= 0.3.4)
      rdf-isomorphic (>= 0.3.4)
      rdf-json (>= 0.3.0)
      rdf-microdata (>= 0.2.2)
      rdf-n3 (>= 0.3.6)
      rdf-rdfa (>= 0.3.7)
      rdf-rdfxml (>= 0.3.5)
      rdf-trix (>= 0.3.0)
      rdf-turtle (>= 0.1.0)

GIT
  remote: git://github.com/gkellogg/rdf-microdata.git
  revision: 9e0311597f25063a6f9278269abf8cbad4bd2270
  specs:
    rdf-microdata (0.2.3.1)
      htmlentities (>= 4.3.0)
      json (>= 1.6.1)
      rdf (>= 0.3.4)
      rdf-xsd (>= 0.3.4)

GIT
  remote: git://github.com/gkellogg/rdf-n3.git
  revision: 112aac72331eb537e52e6ee53db11fa3ef48715b
  specs:
    rdf-n3 (0.3.6)
      rdf (>= 0.3.4)

GIT
  remote: git://github.com/gkellogg/rdf-rdfa.git
  revision: b9d5ac4f55c60cbe6b52a8724f3944dc4b6e7126
  specs:
    rdf-rdfa (0.3.9)
      backports
      haml (>= 3.0.0)
      htmlentities (>= 4.3.0)
      rdf (>= 0.3.3)
      rdf-xsd (>= 0.3.5)

GIT
  remote: git://github.com/gkellogg/rdf-rdfxml.git
  revision: 5d5f72ab145d8f6cc825de4c0752a05879f474f8
  specs:
    rdf-rdfxml (0.3.5)
      nokogiri (>= 1.4.4)
      rdf (>= 0.3.4)

GIT
  remote: git://github.com/gkellogg/rdf-trig.git
  revision: 957b68d4583dd3064ea2b926d5a7522c54dab954
  specs:
    rdf-trig (0.1.0)
      rdf (>= 0.3.4)
      rdf-turtle (>= 0.1.1)

GIT
  remote: git://github.com/gkellogg/rdf-turtle.git
  revision: dc13445610593ff17391f4cfa427a65a7c70a38e
  specs:
    rdf-turtle (0.1.1)
      rdf (>= 0.3.4)

GIT
  remote: git://github.com/gkellogg/rdf.git
  revision: 28b72713d69f8dd03a6bb6a795c550f21d8f64aa
  specs:
    rdf (0.3.4.1)
      addressable (>= 2.2.6)

GIT
  remote: git://github.com/gkellogg/sparql.git
  revision: 52d4d0e632361540d0856f6a50047e7fb72a367c
  specs:
    sparql (0.0.2)
      builder (>= 3.0.0)
      json (>= 1.5.1)
      rdf (>= 0.3.4)
      rdf-xsd (>= 0.3.4)
      sparql-client (>= 0.0.9)
      sxp (>= 0.0.14)

GEM
  remote: http://rubygems.org/
  specs:
    addressable (2.2.6)
    backports (2.3.0)
    builder (3.0.0)
    data_objects (0.10.7)
      addressable (~> 2.1)
    equivalent-xml (0.2.8)
      nokogiri (>= 1.4.3)
    erubis (2.7.0)
    haml (3.1.4)
    htmlentities (4.3.1)
    json (1.6.4)
    json_pure (1.6.4)
    net-http-persistent (1.4.1)
    nokogiri (1.5.0)
    promise (0.3.0)
    rack (1.4.0)
    rack-linkeddata (0.3.0)
      linkeddata (~> 0.3.0)
      rack (>= 1.0)
    rack-protection (1.2.0)
      rack
    rdf-do (0.3.3)
      data_objects (>= 0.10.2)
      rdf (>= 0.2.3)
    rdf-isomorphic (0.3.4)
      rdf (>= 0.2.3)
    rdf-json (0.3.0)
      json_pure (>= 1.4.2)
      rdf (~> 0.3.0)
    rdf-trix (0.3.0)
      rdf (~> 0.3.0)
    rdf-xsd (0.3.5)
      nokogiri (>= 1.5.0)
      rdf (>= 0.3.4)
    shotgun (0.9)
      rack (>= 1.0)
    sinatra (1.3.2)
      rack (~> 1.3, >= 1.3.6)
      rack-protection (~> 1.2)
      tilt (~> 1.3, >= 1.3.3)
    sinatra-linkeddata (0.3.0)
      rack-linkeddata (~> 0.3.0)
      sinatra (>= 1.0)
    sparql-client (0.0.11)
      json_pure (>= 1.4.2)
      net-http-persistent (~> 1.4.1)
      rdf (>= 0.3.4)
    spira (0.0.12)
      promise (>= 0.3.0)
      rdf (>= 0.2.3)
      rdf-isomorphic (>= 0.3.0)
    sxp (0.0.14)
      json (>= 1.5.1)
    tilt (1.3.3)

PLATFORMS
  ruby

DEPENDENCIES
  equivalent-xml (>= 0.2.8)
  erubis (>= 2.7.0)
  haml (>= 3.1.3)
  json-ld!
  linkeddata!
  rack-linkeddata (>= 0.3.0)
  rdf!
  rdf-do
  rdf-isomorphic (>= 0.3.4)
  rdf-json (>= 0.3.0)
  rdf-microdata!
  rdf-n3!
  rdf-rdfa!
  rdf-rdfxml!
  rdf-trig!
  rdf-trix (>= 0.3.0)
  rdf-turtle!
  shotgun
  sinatra (>= 1.3.1)
  sinatra-linkeddata (>= 0.3.0)
  sparql!
  spira (>= 0.0.12)
  sxp (>= 0.0.14)
