GIT
  remote: https://github.com/gkellogg/rdf-n3.git
  revision: b1d185c7dc800d7323b6fa2d93918458610af69a
  specs:
    rdf-n3 (0.3.1.3)
      rdf (>= 0.3.1)

GIT
  remote: https://github.com/gkellogg/rdf-rdfa.git
  revision: 4db6b8eaeeda06d267597973ce48cbd7d2f2c6c5
  specs:
    rdf-rdfa (0.3.2)
      haml (>= 3.0.0)
      haml (>= 3.0.0)
      nokogiri (>= 1.3.3)
      nokogiri (>= 1.3.3)
      rdf (>= 0.3.1)
      rdf

GIT
  remote: https://github.com/gkellogg/rdf-rdfxml.git
  revision: 3fa8e071295d587f3045810b1d85f245f8696879
  specs:
    rdf-rdfxml (0.3.2.1)
      nokogiri (>= 1.4.4)
      rdf (>= 0.3.1)

GIT
  remote: https://github.com/gkellogg/rdf.git
  revision: 89a761c3fcc7c71caf96cb117503548f94532723
  branch: query-algebra
  specs:
    rdf (0.3.1)
      addressable (>= 2.2.4)

GEM
  remote: http://rubygems.org/
  specs:
    addressable (2.2.4)
    erubis (2.7.0)
    haml (3.0.25)
    json_pure (1.5.1)
    linkeddata (0.3.1)
      rdf (~> 0.3.1)
      rdf-isomorphic (~> 0.3.1)
      rdf-json (~> 0.3.0)
      rdf-n3 (~> 0.3.0)
      rdf-rdfa (~> 0.3.0)
      rdf-rdfxml (~> 0.3.0)
      rdf-trix (~> 0.3.0)
    nokogiri (1.4.4)
    rack (1.2.2)
    rack-linkeddata (0.3.0)
      linkeddata (~> 0.3.0)
      rack (>= 1.0)
    rdf-isomorphic (0.3.4)
      rdf (>= 0.2.3)
    rdf-json (0.3.0)
      json_pure (>= 1.4.2)
      rdf (~> 0.3.0)
    rdf-trix (0.3.0)
      rdf (~> 0.3.0)
    shotgun (0.9)
      rack (>= 1.0)
    sinatra (1.2.1)
      rack (~> 1.1)
      tilt (< 2.0, >= 1.2.2)
    sinatra-linkeddata (0.3.0)
      rack-linkeddata (~> 0.3.0)
      sinatra (>= 1.0)
    tilt (1.2.2)

PLATFORMS
  ruby

DEPENDENCIES
  erubis (>= 2.6.6)
  haml (>= 3.0.0)
  rdf!
  rdf-n3!
  rdf-rdfa!
  rdf-rdfxml!
  shotgun
  sinatra (>= 1.2.1)
  sinatra-linkeddata (>= 0.3.0)
